STORAGE: NONE
STRATEGY: MIN
RESTRICTION: || (== net461) (== netstandard2.0)
NUGET
  remote: https://api.nuget.org/v3/index.json
    FSharp.Core (4.2.3)
      System.Collections (>= 4.0.11) - restriction: || (&& (== net461) (< net45) (>= netstandard1.6)) (== netstandard2.0)
      System.Console (>= 4.0) - restriction: || (&& (== net461) (< net45) (>= netstandard1.6)) (== netstandard2.0)
      System.Diagnostics.Debug (>= 4.0.11) - restriction: || (&& (== net461) (< net45) (>= netstandard1.6)) (== netstandard2.0)
      System.Diagnostics.Tools (>= 4.0.1) - restriction: || (&& (== net461) (< net45) (>= netstandard1.6)) (== netstandard2.0)
      System.Globalization (>= 4.0.11) - restriction: || (&& (== net461) (< net45) (>= netstandard1.6)) (== netstandard2.0)
      System.IO (>= 4.1) - restriction: || (&& (== net461) (< net45) (>= netstandard1.6)) (== netstandard2.0)
      System.Linq (>= 4.1) - restriction: || (&& (== net461) (< net45) (>= netstandard1.6)) (== netstandard2.0)
      System.Linq.Expressions (>= 4.1) - restriction: || (&& (== net461) (< net45) (>= netstandard1.6)) (== netstandard2.0)
      System.Linq.Queryable (>= 4.0.1) - restriction: || (&& (== net461) (< net45) (>= netstandard1.6)) (== netstandard2.0)
      System.Net.Requests (>= 4.0.11) - restriction: || (&& (== net461) (< net45) (>= netstandard1.6)) (== netstandard2.0)
      System.Reflection (>= 4.1) - restriction: || (&& (== net461) (< net45) (>= netstandard1.6)) (== netstandard2.0)
      System.Reflection.Extensions (>= 4.0.1) - restriction: || (&& (== net461) (< net45) (>= netstandard1.6)) (== netstandard2.0)
      System.Resources.ResourceManager (>= 4.0.1) - restriction: || (&& (== net461) (< net45) (>= netstandard1.6)) (== netstandard2.0)
      System.Runtime (>= 4.1) - restriction: || (&& (== net461) (< net45) (>= netstandard1.6)) (== netstandard2.0)
      System.Runtime.Extensions (>= 4.1) - restriction: || (&& (== net461) (< net45) (>= netstandard1.6)) (== netstandard2.0)
      System.Runtime.Numerics (>= 4.0.1) - restriction: || (&& (== net461) (< net45) (>= netstandard1.6)) (== netstandard2.0)
      System.Text.RegularExpressions (>= 4.1) - restriction: || (&& (== net461) (< net45) (>= netstandard1.6)) (== netstandard2.0)
      System.Threading (>= 4.0.11) - restriction: || (&& (== net461) (< net45) (>= netstandard1.6)) (== netstandard2.0)
      System.Threading.Tasks (>= 4.0.11) - restriction: || (&& (== net461) (< net45) (>= netstandard1.6)) (== netstandard2.0)
      System.Threading.Tasks.Parallel (>= 4.0.1) - restriction: || (&& (== net461) (< net45) (>= netstandard1.6)) (== netstandard2.0)
      System.Threading.Thread (>= 4.0) - restriction: || (&& (== net461) (< net45) (>= netstandard1.6)) (== netstandard2.0)
      System.Threading.ThreadPool (>= 4.0.10) - restriction: || (&& (== net461) (< net45) (>= netstandard1.6)) (== netstandard2.0)
      System.Threading.Timer (>= 4.0.1) - restriction: || (&& (== net461) (< net45) (>= netstandard1.6)) (== netstandard2.0)
    HtmlAgilityPack (1.7.1)
      System.Net.Http (>= 4.3.2) - restriction: || (&& (== net461) (< net40) (>= netstandard2.0)) (&& (== net461) (>= uap10.0)) (== netstandard2.0)
      System.Xml.XmlDocument (>= 4.3) - restriction: || (&& (== net461) (< net40)) (== netstandard2.0)
      System.Xml.XPath (>= 4.3) - restriction: || (&& (== net461) (< net40)) (&& (== net461) (>= uap10.0)) (== netstandard2.0)
      System.Xml.XPath.XmlDocument (>= 4.3) - restriction: || (&& (== net461) (< net40)) (&& (== net461) (>= uap10.0)) (== netstandard2.0)
    Microsoft.Build.Framework (15.6.82)
      System.Collections (>= 4.0.11)
      System.Diagnostics.Debug (>= 4.0.11)
      System.Diagnostics.Process (>= 4.1)
      System.Globalization (>= 4.0.11)
      System.Linq (>= 4.1)
      System.ObjectModel (>= 4.0.12)
      System.Resources.ResourceManager (>= 4.0.1)
      System.Runtime (>= 4.1)
      System.Runtime.Extensions (>= 4.1)
      System.Runtime.InteropServices (>= 4.1)
      System.Threading (>= 4.0.11)
      System.Threading.Tasks.Parallel (>= 4.0.1)
      System.Threading.Thread (>= 4.0)
    Microsoft.Build.Utilities.Core (15.6.82)
      Microsoft.Build.Framework (15.6.82)
      Microsoft.Win32.Primitives (>= 4.0.1) - restriction: || (&& (== net461) (< net46)) (== netstandard2.0)
      System.AppContext (>= 4.1) - restriction: || (&& (== net461) (< net46)) (== netstandard2.0)
      System.Collections (>= 4.0.11) - restriction: || (&& (== net461) (< net46)) (== netstandard2.0)
      System.Collections.Concurrent (>= 4.0.12) - restriction: || (&& (== net461) (< net46)) (== netstandard2.0)
      System.Collections.Immutable (>= 1.2) - restriction: || (&& (== net461) (< net46)) (== netstandard2.0)
      System.Collections.Immutable (>= 1.3.1) - restriction: || (== net461) (&& (== netstandard2.0) (>= net46))
      System.Collections.NonGeneric (>= 4.0.1) - restriction: || (&& (== net461) (< net46)) (== netstandard2.0)
      System.Console (>= 4.0) - restriction: || (&& (== net461) (< net46)) (== netstandard2.0)
      System.Diagnostics.Debug (>= 4.0.11) - restriction: || (&& (== net461) (< net46)) (== netstandard2.0)
      System.Diagnostics.Process (>= 4.1) - restriction: || (&& (== net461) (< net46)) (== netstandard2.0)
      System.Diagnostics.TraceSource (>= 4.0) - restriction: || (&& (== net461) (< net46)) (== netstandard2.0)
      System.Globalization (>= 4.0.11) - restriction: || (&& (== net461) (< net46)) (== netstandard2.0)
      System.IO (>= 4.1) - restriction: || (&& (== net461) (< net46)) (== netstandard2.0)
      System.IO.FileSystem (>= 4.0.1) - restriction: || (&& (== net461) (< net46)) (== netstandard2.0)
      System.IO.FileSystem.Primitives (>= 4.0.1) - restriction: || (&& (== net461) (< net46)) (== netstandard2.0)
      System.Linq (>= 4.1) - restriction: || (&& (== net461) (< net46)) (== netstandard2.0)
      System.ObjectModel (>= 4.0.12) - restriction: || (&& (== net461) (< net46)) (== netstandard2.0)
      System.Reflection (>= 4.1) - restriction: || (&& (== net461) (< net46)) (== netstandard2.0)
      System.Reflection.TypeExtensions (>= 4.1) - restriction: || (&& (== net461) (< net46)) (== netstandard2.0)
      System.Resources.Reader (>= 4.0) - restriction: || (&& (== net461) (< net46)) (== netstandard2.0)
      System.Resources.ResourceManager (>= 4.0.1) - restriction: || (&& (== net461) (< net46)) (== netstandard2.0)
      System.Runtime (>= 4.1) - restriction: || (&& (== net461) (< net46)) (== netstandard2.0)
      System.Runtime.Extensions (>= 4.1) - restriction: || (&& (== net461) (< net46)) (== netstandard2.0)
      System.Runtime.Handles (>= 4.0.1) - restriction: || (&& (== net461) (< net46)) (== netstandard2.0)
      System.Runtime.InteropServices (>= 4.1) - restriction: || (&& (== net461) (< net46)) (== netstandard2.0)
      System.Runtime.InteropServices.RuntimeInformation (>= 4.0) - restriction: || (&& (== net461) (< net46)) (== netstandard2.0)
      System.Runtime.InteropServices.RuntimeInformation (>= 4.3) - restriction: || (== net461) (&& (== netstandard2.0) (>= net46))
      System.Runtime.Serialization.Primitives (>= 4.1.1) - restriction: || (&& (== net461) (< net46)) (== netstandard2.0)
      System.Runtime.Serialization.Xml (>= 4.1.1) - restriction: || (&& (== net461) (< net46)) (== netstandard2.0)
      System.Text.Encoding (>= 4.0.11) - restriction: || (&& (== net461) (< net46)) (== netstandard2.0)
      System.Text.Encoding.CodePages (>= 4.0.1) - restriction: || (&& (== net461) (< net46)) (== netstandard2.0)
      System.Text.RegularExpressions (>= 4.1) - restriction: || (&& (== net461) (< net46)) (== netstandard2.0)
      System.Threading (>= 4.0.11) - restriction: || (&& (== net461) (< net46)) (== netstandard2.0)
      System.Threading.Tasks (>= 4.0.11) - restriction: || (&& (== net461) (< net46)) (== netstandard2.0)
      System.Threading.Tasks.Parallel (>= 4.0.1) - restriction: || (&& (== net461) (< net46)) (== netstandard2.0)
      System.Threading.Thread (>= 4.0) - restriction: || (&& (== net461) (< net46)) (== netstandard2.0)
      System.Threading.Timer (>= 4.0.1) - restriction: || (&& (== net461) (< net46)) (== netstandard2.0)
      System.Xml.ReaderWriter (>= 4.0.11) - restriction: || (&& (== net461) (< net46)) (== netstandard2.0)
      System.Xml.XmlDocument (>= 4.0.1) - restriction: || (&& (== net461) (< net46)) (== netstandard2.0)
    Microsoft.CodeAnalysis.Analyzers (1.1)
    Microsoft.CodeAnalysis.Common (2.6.1)
      Microsoft.CodeAnalysis.Analyzers (>= 1.1)
      System.AppContext (>= 4.3)
      System.Collections (>= 4.3)
      System.Collections.Concurrent (>= 4.3)
      System.Collections.Immutable (>= 1.3.1)
      System.Console (>= 4.3)
      System.Diagnostics.Debug (>= 4.3)
      System.Diagnostics.FileVersionInfo (>= 4.3)
      System.Diagnostics.StackTrace (>= 4.3)
      System.Diagnostics.Tools (>= 4.3)
      System.Dynamic.Runtime (>= 4.3)
      System.Globalization (>= 4.3)
      System.IO.Compression (>= 4.3)
      System.IO.FileSystem (>= 4.3)
      System.IO.FileSystem.Primitives (>= 4.3)
      System.Linq (>= 4.3)
      System.Linq.Expressions (>= 4.3)
      System.Reflection (>= 4.3)
      System.Reflection.Metadata (>= 1.4.2)
      System.Resources.ResourceManager (>= 4.3)
      System.Runtime (>= 4.3)
      System.Runtime.Extensions (>= 4.3)
      System.Runtime.InteropServices (>= 4.3)
      System.Runtime.Numerics (>= 4.3)
      System.Security.Cryptography.Algorithms (>= 4.3)
      System.Security.Cryptography.Encoding (>= 4.3)
      System.Security.Cryptography.X509Certificates (>= 4.3)
      System.Text.Encoding (>= 4.3)
      System.Text.Encoding.CodePages (>= 4.3)
      System.Text.Encoding.Extensions (>= 4.3)
      System.Threading (>= 4.3)
      System.Threading.Tasks (>= 4.3)
      System.Threading.Tasks.Parallel (>= 4.3)
      System.Threading.Thread (>= 4.3)
      System.ValueTuple (>= 4.3)
      System.Xml.ReaderWriter (>= 4.3)
      System.Xml.XDocument (>= 4.3)
      System.Xml.XmlDocument (>= 4.3)
      System.Xml.XPath.XDocument (>= 4.3)
    Microsoft.CodeAnalysis.CSharp (2.6.1)
      Microsoft.CodeAnalysis.Common (2.6.1)
    Microsoft.NETCore.Platforms (1.1) - restriction: || (&& (== net461) (>= dnxcore50) (>= netstandard2.0)) (&& (== net461) (< net40) (>= netstandard2.0)) (&& (== net461) (>= uap10.0)) (== netstandard2.0)
    Microsoft.NETCore.Targets (1.1) - restriction: || (&& (== net461) (>= dnxcore50)) (&& (== net461) (< net45)) (== netstandard2.0)
    Microsoft.Win32.Primitives (4.0.1) - restriction: || (&& (== net461) (< net46)) (== netstandard2.0)
      Microsoft.NETCore.Platforms (>= 1.0.1) - restriction: || (&& (== net461) (< net46)) (== netstandard2.0)
      Microsoft.NETCore.Targets (>= 1.0.1) - restriction: || (&& (== net461) (< net46)) (== netstandard2.0)
      System.Runtime (>= 4.1) - restriction: || (&& (== net461) (< net46)) (== netstandard2.0)
    Microsoft.Win32.Registry (4.0) - restriction: || (&& (== net461) (< net46)) (== netstandard2.0)
      Microsoft.NETCore.Platforms (>= 1.0.1) - restriction: || (&& (== net461) (< net46)) (== netstandard2.0)
      System.Collections (>= 4.0.11) - restriction: || (&& (== net461) (< net46)) (== netstandard2.0)
      System.Globalization (>= 4.0.11) - restriction: || (&& (== net461) (< net46)) (== netstandard2.0)
      System.Resources.ResourceManager (>= 4.0.1) - restriction: || (&& (== net461) (< net46)) (== netstandard2.0)
      System.Runtime (>= 4.1) - restriction: || (&& (== net461) (< net46)) (== netstandard2.0)
      System.Runtime.Extensions (>= 4.1) - restriction: || (&& (== net461) (< net46)) (== netstandard2.0)
      System.Runtime.Handles (>= 4.0.1) - restriction: || (&& (== net461) (< net46)) (== netstandard2.0)
      System.Runtime.InteropServices (>= 4.1) - restriction: || (&& (== net461) (< net46)) (== netstandard2.0)
    runtime.debian.8-x64.runtime.native.System.Security.Cryptography.OpenSsl (4.3) - restriction: || (&& (== net461) (< net40) (>= netstandard2.0)) (&& (== net461) (>= netstandard1.6) (>= uap10.0)) (== netstandard2.0)
    runtime.fedora.23-x64.runtime.native.System.Security.Cryptography.OpenSsl (4.3) - restriction: || (&& (== net461) (< net40) (>= netstandard2.0)) (&& (== net461) (>= netstandard1.6) (>= uap10.0)) (== netstandard2.0)
    runtime.fedora.24-x64.runtime.native.System.Security.Cryptography.OpenSsl (4.3) - restriction: || (&& (== net461) (< net40) (>= netstandard2.0)) (&& (== net461) (>= netstandard1.6) (>= uap10.0)) (== netstandard2.0)
    runtime.native.System (4.3) - restriction: || (&& (== net461) (< net40) (>= netstandard2.0)) (&& (== net461) (>= netstandard1.6) (>= uap10.0)) (== netstandard2.0)
      Microsoft.NETCore.Platforms (>= 1.1)
      Microsoft.NETCore.Targets (>= 1.1)
    runtime.native.System.IO.Compression (4.3) - restriction: || (&& (== net461) (>= dnxcore50)) (&& (== net461) (< net45)) (== netstandard2.0)
      Microsoft.NETCore.Platforms (>= 1.1)
      Microsoft.NETCore.Targets (>= 1.1)
    runtime.native.System.Net.Http (4.3) - restriction: || (&& (== net461) (< net40) (>= netstandard2.0)) (&& (== net461) (>= netstandard1.6) (>= uap10.0)) (== netstandard2.0)
      Microsoft.NETCore.Platforms (>= 1.1)
      Microsoft.NETCore.Targets (>= 1.1)
    runtime.native.System.Security.Cryptography.Apple (4.3) - restriction: || (&& (== net461) (< net46) (>= netstandard1.6)) (== netstandard2.0)
      runtime.osx.10.10-x64.runtime.native.System.Security.Cryptography.Apple (>= 4.3)
    runtime.native.System.Security.Cryptography.OpenSsl (4.3) - restriction: || (&& (== net461) (< net40) (>= netstandard2.0)) (&& (== net461) (>= netstandard1.6) (>= uap10.0)) (== netstandard2.0)
      runtime.debian.8-x64.runtime.native.System.Security.Cryptography.OpenSsl (>= 4.3)
      runtime.fedora.23-x64.runtime.native.System.Security.Cryptography.OpenSsl (>= 4.3)
      runtime.fedora.24-x64.runtime.native.System.Security.Cryptography.OpenSsl (>= 4.3)
      runtime.opensuse.13.2-x64.runtime.native.System.Security.Cryptography.OpenSsl (>= 4.3)
      runtime.opensuse.42.1-x64.runtime.native.System.Security.Cryptography.OpenSsl (>= 4.3)
      runtime.osx.10.10-x64.runtime.native.System.Security.Cryptography.OpenSsl (>= 4.3)
      runtime.rhel.7-x64.runtime.native.System.Security.Cryptography.OpenSsl (>= 4.3)
      runtime.ubuntu.14.04-x64.runtime.native.System.Security.Cryptography.OpenSsl (>= 4.3)
      runtime.ubuntu.16.04-x64.runtime.native.System.Security.Cryptography.OpenSsl (>= 4.3)
      runtime.ubuntu.16.10-x64.runtime.native.System.Security.Cryptography.OpenSsl (>= 4.3)
    runtime.opensuse.13.2-x64.runtime.native.System.Security.Cryptography.OpenSsl (4.3) - restriction: || (&& (== net461) (< net40) (>= netstandard2.0)) (&& (== net461) (>= netstandard1.6) (>= uap10.0)) (== netstandard2.0)
    runtime.opensuse.42.1-x64.runtime.native.System.Security.Cryptography.OpenSsl (4.3) - restriction: || (&& (== net461) (< net40) (>= netstandard2.0)) (&& (== net461) (>= netstandard1.6) (>= uap10.0)) (== netstandard2.0)
    runtime.osx.10.10-x64.runtime.native.System.Security.Cryptography.Apple (4.3) - restriction: || (&& (== net461) (< net46) (>= netstandard1.6)) (== netstandard2.0)
    runtime.osx.10.10-x64.runtime.native.System.Security.Cryptography.OpenSsl (4.3) - restriction: || (&& (== net461) (< net40) (>= netstandard2.0)) (&& (== net461) (>= netstandard1.6) (>= uap10.0)) (== netstandard2.0)
    runtime.rhel.7-x64.runtime.native.System.Security.Cryptography.OpenSsl (4.3) - restriction: || (&& (== net461) (< net40) (>= netstandard2.0)) (&& (== net461) (>= netstandard1.6) (>= uap10.0)) (== netstandard2.0)
    runtime.ubuntu.14.04-x64.runtime.native.System.Security.Cryptography.OpenSsl (4.3) - restriction: || (&& (== net461) (< net40) (>= netstandard2.0)) (&& (== net461) (>= netstandard1.6) (>= uap10.0)) (== netstandard2.0)
    runtime.ubuntu.16.04-x64.runtime.native.System.Security.Cryptography.OpenSsl (4.3) - restriction: || (&& (== net461) (< net40) (>= netstandard2.0)) (&& (== net461) (>= netstandard1.6) (>= uap10.0)) (== netstandard2.0)
    runtime.ubuntu.16.10-x64.runtime.native.System.Security.Cryptography.OpenSsl (4.3) - restriction: || (&& (== net461) (< net40) (>= netstandard2.0)) (&& (== net461) (>= netstandard1.6) (>= uap10.0)) (== netstandard2.0)
    System.AppContext (4.3) - restriction: || (&& (== net461) (< net46)) (== netstandard2.0)
      System.Runtime (>= 4.3) - restriction: || (&& (== net461) (>= dnxcore50)) (&& (== net461) (< net46)) (== netstandard2.0)
    System.Buffers (4.3) - restriction: || (&& (== net461) (>= dnxcore50)) (&& (== net461) (< net45)) (== netstandard2.0)
      System.Diagnostics.Debug (>= 4.3) - restriction: || (&& (== net461) (< net45)) (== netstandard2.0)
      System.Diagnostics.Tracing (>= 4.3) - restriction: || (&& (== net461) (< net45)) (== netstandard2.0)
      System.Resources.ResourceManager (>= 4.3) - restriction: || (&& (== net461) (< net45)) (== netstandard2.0)
      System.Runtime (>= 4.3) - restriction: || (&& (== net461) (< net45)) (== netstandard2.0)
      System.Threading (>= 4.3) - restriction: || (&& (== net461) (< net45)) (== netstandard2.0)
    System.Collections (4.3) - restriction: || (&& (== net461) (< net45)) (== netstandard2.0)
      Microsoft.NETCore.Platforms (>= 1.1) - restriction: || (&& (== net461) (>= dnxcore50)) (&& (== net461) (< net45)) (== netstandard2.0)
      Microsoft.NETCore.Targets (>= 1.1) - restriction: || (&& (== net461) (>= dnxcore50)) (&& (== net461) (< net45)) (== netstandard2.0)
      System.Runtime (>= 4.3) - restriction: || (&& (== net461) (>= dnxcore50)) (&& (== net461) (< net45)) (== netstandard2.0)
    System.Collections.Concurrent (4.3) - restriction: || (&& (== net461) (< net46)) (== netstandard2.0)
      System.Collections (>= 4.3) - restriction: || (&& (== net461) (>= dnxcore50)) (&& (== net461) (< net45)) (== netstandard2.0)
      System.Diagnostics.Debug (>= 4.3) - restriction: || (&& (== net461) (>= dnxcore50)) (&& (== net461) (< net45)) (== netstandard2.0)
      System.Diagnostics.Tracing (>= 4.3) - restriction: || (&& (== net461) (>= dnxcore50)) (&& (== net461) (< net45)) (== netstandard2.0)
      System.Globalization (>= 4.3) - restriction: || (&& (== net461) (>= dnxcore50)) (&& (== net461) (< net45)) (== netstandard2.0)
      System.Reflection (>= 4.3) - restriction: || (&& (== net461) (< net45)) (== netstandard2.0)
      System.Resources.ResourceManager (>= 4.3) - restriction: || (&& (== net461) (>= dnxcore50)) (&& (== net461) (< net45)) (== netstandard2.0)
      System.Runtime (>= 4.3) - restriction: || (&& (== net461) (>= dnxcore50)) (&& (== net461) (< net45)) (== netstandard2.0)
      System.Runtime.Extensions (>= 4.3) - restriction: || (&& (== net461) (>= dnxcore50)) (&& (== net461) (< net45)) (== netstandard2.0)
      System.Threading (>= 4.3) - restriction: || (&& (== net461) (>= dnxcore50)) (&& (== net461) (< net45)) (== netstandard2.0)
      System.Threading.Tasks (>= 4.3) - restriction: || (&& (== net461) (>= dnxcore50)) (&& (== net461) (< net45)) (== netstandard2.0)
    System.Collections.Immutable (1.3.1)
      System.Collections (>= 4.3) - restriction: || (&& (== net461) (< net45)) (== netstandard2.0)
      System.Diagnostics.Debug (>= 4.3) - restriction: || (&& (== net461) (< net45)) (== netstandard2.0)
      System.Globalization (>= 4.3) - restriction: || (&& (== net461) (< net45)) (== netstandard2.0)
      System.Linq (>= 4.3) - restriction: || (&& (== net461) (< net45)) (== netstandard2.0)
      System.Resources.ResourceManager (>= 4.3) - restriction: || (&& (== net461) (< net45)) (== netstandard2.0)
      System.Runtime (>= 4.3) - restriction: || (&& (== net461) (< net45)) (== netstandard2.0)
      System.Runtime.Extensions (>= 4.3) - restriction: || (&& (== net461) (< net45)) (== netstandard2.0)
      System.Threading (>= 4.3) - restriction: || (&& (== net461) (< net45)) (== netstandard2.0)
    System.Collections.NonGeneric (4.0.1) - restriction: || (&& (== net461) (< net46)) (== netstandard2.0)
      System.Diagnostics.Debug (>= 4.0.11) - restriction: || (&& (== net461) (< net46)) (== netstandard2.0)
      System.Globalization (>= 4.0.11) - restriction: || (&& (== net461) (< net46)) (== netstandard2.0)
      System.Resources.ResourceManager (>= 4.0.1) - restriction: || (&& (== net461) (< net46)) (== netstandard2.0)
      System.Runtime (>= 4.1) - restriction: || (&& (== net461) (< net46)) (== netstandard2.0)
      System.Runtime.Extensions (>= 4.1) - restriction: || (&& (== net461) (< net46)) (== netstandard2.0)
      System.Threading (>= 4.0.11) - restriction: || (&& (== net461) (< net46)) (== netstandard2.0)
    System.Console (4.3) - restriction: || (&& (== net461) (< net45) (>= netstandard1.6)) (== netstandard2.0)
      Microsoft.NETCore.Platforms (>= 1.1) - restriction: || (&& (== net461) (< net46)) (== netstandard2.0)
      Microsoft.NETCore.Targets (>= 1.1) - restriction: || (&& (== net461) (< net46)) (== netstandard2.0)
      System.IO (>= 4.3) - restriction: || (&& (== net461) (< net46)) (== netstandard2.0)
      System.Runtime (>= 4.3) - restriction: || (&& (== net461) (< net46)) (== netstandard2.0)
      System.Text.Encoding (>= 4.3) - restriction: || (&& (== net461) (< net46)) (== netstandard2.0)
    System.Diagnostics.Debug (4.3) - restriction: || (&& (== net461) (>= dnxcore50)) (&& (== net461) (< net45)) (== netstandard2.0)
      Microsoft.NETCore.Platforms (>= 1.1) - restriction: || (&& (== net461) (>= dnxcore50)) (&& (== net461) (< net45)) (== netstandard2.0)
      Microsoft.NETCore.Targets (>= 1.1) - restriction: || (&& (== net461) (>= dnxcore50)) (&& (== net461) (< net45)) (== netstandard2.0)
      System.Runtime (>= 4.3) - restriction: || (&& (== net461) (>= dnxcore50)) (&& (== net461) (< net45)) (== netstandard2.0)
    System.Diagnostics.DiagnosticSource (4.3) - restriction: || (&& (== net461) (>= dnxcore50) (>= netstandard2.0)) (&& (== net461) (< net40) (>= netstandard2.0)) (&& (== net461) (>= uap10.0)) (== netstandard2.0)
      System.Collections (>= 4.3) - restriction: || (&& (== net461) (< net45)) (== netstandard2.0)
      System.Diagnostics.Tracing (>= 4.3) - restriction: || (&& (== net461) (< net45)) (== netstandard2.0)
      System.Reflection (>= 4.3) - restriction: || (&& (== net461) (< net45)) (== netstandard2.0)
      System.Runtime (>= 4.3) - restriction: || (&& (== net461) (< net45)) (== netstandard2.0)
      System.Threading (>= 4.3) - restriction: || (&& (== net461) (< net45)) (== netstandard2.0)
    System.Diagnostics.FileVersionInfo (4.3)
      Microsoft.NETCore.Platforms (>= 1.1) - restriction: || (&& (== net461) (>= dnxcore50)) (&& (== net461) (< net46)) (== netstandard2.0)
      System.Globalization (>= 4.3) - restriction: || (&& (== net461) (< net46)) (== netstandard2.0)
      System.IO (>= 4.3) - restriction: || (&& (== net461) (>= dnxcore50)) (&& (== net461) (< net46)) (== netstandard2.0)
      System.IO.FileSystem (>= 4.3) - restriction: || (&& (== net461) (>= dnxcore50)) (&& (== net461) (< net46)) (== netstandard2.0)
      System.IO.FileSystem.Primitives (>= 4.3) - restriction: || (&& (== net461) (>= dnxcore50)) (&& (== net461) (< net46)) (== netstandard2.0)
      System.Reflection.Metadata (>= 1.4.1) - restriction: || (&& (== net461) (>= dnxcore50)) (&& (== net461) (< net46)) (== netstandard2.0)
      System.Runtime (>= 4.3) - restriction: || (&& (== net461) (>= dnxcore50)) (&& (== net461) (< net46)) (== netstandard2.0)
      System.Runtime.Extensions (>= 4.3) - restriction: || (&& (== net461) (>= dnxcore50)) (&& (== net461) (< net46)) (== netstandard2.0)
      System.Runtime.InteropServices (>= 4.3) - restriction: || (&& (== net461) (< net46)) (== netstandard2.0)
    System.Diagnostics.Process (4.1) - restriction: || (&& (== net461) (< net46)) (== netstandard2.0)
      Microsoft.NETCore.Platforms (>= 1.0.1) - restriction: || (&& (== net461) (< net46)) (== netstandard2.0)
      Microsoft.Win32.Primitives (>= 4.0.1) - restriction: || (&& (== net461) (< net46)) (== netstandard2.0)
      Microsoft.Win32.Registry (>= 4.0) - restriction: || (&& (== net461) (< net46)) (== netstandard2.0)
      runtime.native.System (>= 4.0) - restriction: || (&& (== net461) (< net46)) (== netstandard2.0)
      System.Collections (>= 4.0.11) - restriction: || (&& (== net461) (< net46)) (== netstandard2.0)
      System.Diagnostics.Debug (>= 4.0.11) - restriction: || (&& (== net461) (< net46)) (== netstandard2.0)
      System.Globalization (>= 4.0.11) - restriction: || (&& (== net461) (< net46)) (== netstandard2.0)
      System.IO (>= 4.1) - restriction: || (&& (== net461) (< net46)) (== netstandard2.0)
      System.IO.FileSystem (>= 4.0.1) - restriction: || (&& (== net461) (< net46)) (== netstandard2.0)
      System.IO.FileSystem.Primitives (>= 4.0.1) - restriction: || (&& (== net461) (< net46)) (== netstandard2.0)
      System.Resources.ResourceManager (>= 4.0.1) - restriction: || (&& (== net461) (< net46)) (== netstandard2.0)
      System.Runtime (>= 4.1) - restriction: || (&& (== net461) (< net46)) (== netstandard2.0)
      System.Runtime.Extensions (>= 4.1) - restriction: || (&& (== net461) (< net46)) (== netstandard2.0)
      System.Runtime.Handles (>= 4.0.1) - restriction: || (&& (== net461) (< net46)) (== netstandard2.0)
      System.Runtime.InteropServices (>= 4.1) - restriction: || (&& (== net461) (< net46)) (== netstandard2.0)
      System.Text.Encoding (>= 4.0.11) - restriction: || (&& (== net461) (< net46)) (== netstandard2.0)
      System.Text.Encoding.Extensions (>= 4.0.11) - restriction: || (&& (== net461) (< net46)) (== netstandard2.0)
      System.Threading (>= 4.0.11) - restriction: || (&& (== net461) (< net46)) (== netstandard2.0)
      System.Threading.Tasks (>= 4.0.11) - restriction: || (&& (== net461) (< net46)) (== netstandard2.0)
      System.Threading.Thread (>= 4.0) - restriction: || (&& (== net461) (< net46)) (== netstandard2.0)
      System.Threading.ThreadPool (>= 4.0.10) - restriction: || (&& (== net461) (< net46)) (== netstandard2.0)
    System.Diagnostics.StackTrace (4.3)
      System.IO.FileSystem (>= 4.3) - restriction: || (&& (== net461) (< net46)) (== netstandard2.0)
      System.Reflection (>= 4.3) - restriction: || (&& (== net461) (< net46)) (== netstandard2.0)
      System.Reflection.Metadata (>= 1.4.1) - restriction: || (&& (== net461) (< net46)) (== netstandard2.0)
      System.Runtime (>= 4.3) - restriction: || (&& (== net461) (< net46)) (== netstandard2.0)
    System.Diagnostics.Tools (4.3) - restriction: || (&& (== net461) (>= dnxcore50)) (&& (== net461) (< net45)) (== netstandard2.0)
      Microsoft.NETCore.Platforms (>= 1.1) - restriction: || (&& (== net461) (>= dnxcore50)) (&& (== net461) (< net45)) (== netstandard2.0)
      Microsoft.NETCore.Targets (>= 1.1) - restriction: || (&& (== net461) (>= dnxcore50)) (&& (== net461) (< net45)) (== netstandard2.0)
      System.Runtime (>= 4.3) - restriction: || (&& (== net461) (>= dnxcore50)) (&& (== net461) (< net45)) (== netstandard2.0)
    System.Diagnostics.TraceSource (4.0) - restriction: || (&& (== net461) (< net46)) (== netstandard2.0)
      Microsoft.NETCore.Platforms (>= 1.0.1) - restriction: || (&& (== net461) (< net46)) (== netstandard2.0)
      runtime.native.System (>= 4.0) - restriction: || (&& (== net461) (< net46)) (== netstandard2.0)
      System.Collections (>= 4.0.11) - restriction: || (&& (== net461) (< net46)) (== netstandard2.0)
      System.Diagnostics.Debug (>= 4.0.11) - restriction: || (&& (== net461) (< net46)) (== netstandard2.0)
      System.Globalization (>= 4.0.11) - restriction: || (&& (== net461) (< net46)) (== netstandard2.0)
      System.Resources.ResourceManager (>= 4.0.1) - restriction: || (&& (== net461) (< net46)) (== netstandard2.0)
      System.Runtime (>= 4.1) - restriction: || (&& (== net461) (< net46)) (== netstandard2.0)
      System.Runtime.Extensions (>= 4.1) - restriction: || (&& (== net461) (< net46)) (== netstandard2.0)
      System.Threading (>= 4.0.11) - restriction: || (&& (== net461) (< net46)) (== netstandard2.0)
    System.Diagnostics.Tracing (4.3) - restriction: || (&& (== net461) (>= dnxcore50) (>= netstandard2.0)) (&& (== net461) (< net40) (>= netstandard2.0)) (&& (== net461) (>= uap10.0)) (== netstandard2.0)
      Microsoft.NETCore.Platforms (>= 1.1) - restriction: || (&& (== net461) (>= dnxcore50)) (&& (== net461) (< net45)) (== netstandard2.0)
      Microsoft.NETCore.Targets (>= 1.1) - restriction: || (&& (== net461) (>= dnxcore50)) (&& (== net461) (< net45)) (== netstandard2.0)
      System.Runtime (>= 4.3) - restriction: || (&& (== net461) (>= dnxcore50)) (&& (== net461) (< net45)) (== netstandard2.0)
    System.Dynamic.Runtime (4.3)
      System.Collections (>= 4.3) - restriction: || (&& (== net461) (>= dnxcore50)) (&& (== net461) (< net45)) (== netstandard2.0)
      System.Diagnostics.Debug (>= 4.3) - restriction: || (&& (== net461) (>= dnxcore50)) (&& (== net461) (< net45)) (== netstandard2.0)
      System.Linq (>= 4.3) - restriction: || (&& (== net461) (>= dnxcore50)) (&& (== net461) (< net45)) (== netstandard2.0)
      System.Linq.Expressions (>= 4.3) - restriction: || (&& (== net461) (>= dnxcore50)) (&& (== net461) (< net45)) (== netstandard2.0)
      System.ObjectModel (>= 4.3) - restriction: || (&& (== net461) (>= dnxcore50)) (&& (== net461) (< net45)) (== netstandard2.0)
      System.Reflection (>= 4.3) - restriction: || (&& (== net461) (>= dnxcore50)) (&& (== net461) (< net45)) (== netstandard2.0)
      System.Reflection.Emit (>= 4.3) - restriction: || (&& (== net461) (< net45)) (== netstandard2.0)
      System.Reflection.Emit.ILGeneration (>= 4.3) - restriction: || (&& (== net461) (< net45)) (== netstandard2.0)
      System.Reflection.Primitives (>= 4.3) - restriction: || (&& (== net461) (< net45)) (== netstandard2.0)
      System.Reflection.TypeExtensions (>= 4.3) - restriction: || (&& (== net461) (>= dnxcore50)) (&& (== net461) (< net45)) (== netstandard2.0)
      System.Resources.ResourceManager (>= 4.3) - restriction: || (&& (== net461) (>= dnxcore50)) (&& (== net461) (< net45)) (== netstandard2.0)
      System.Runtime (>= 4.3) - restriction: || (&& (== net461) (>= dnxcore50)) (&& (== net461) (< net45)) (== netstandard2.0)
      System.Runtime.Extensions (>= 4.3) - restriction: || (&& (== net461) (>= dnxcore50)) (&& (== net461) (< net45)) (== netstandard2.0)
      System.Threading (>= 4.3) - restriction: || (&& (== net461) (>= dnxcore50)) (&& (== net461) (< net45)) (== netstandard2.0)
    System.Globalization (4.3) - restriction: || (&& (== net461) (>= dnxcore50)) (&& (== net461) (< net45)) (== netstandard2.0)
      Microsoft.NETCore.Platforms (>= 1.1) - restriction: || (&& (== net461) (>= dnxcore50)) (&& (== net461) (< net45)) (== netstandard2.0)
      Microsoft.NETCore.Targets (>= 1.1) - restriction: || (&& (== net461) (>= dnxcore50)) (&& (== net461) (< net45)) (== netstandard2.0)
      System.Runtime (>= 4.3) - restriction: || (&& (== net461) (>= dnxcore50)) (&& (== net461) (< net45)) (== netstandard2.0)
    System.Globalization.Calendars (4.3) - restriction: || (&& (== net461) (>= dnxcore50)) (&& (== net461) (< net46) (>= netstandard1.6)) (== netstandard2.0)
      Microsoft.NETCore.Platforms (>= 1.1) - restriction: || (&& (== net461) (< net46)) (== netstandard2.0)
      Microsoft.NETCore.Targets (>= 1.1) - restriction: || (&& (== net461) (< net46)) (== netstandard2.0)
      System.Globalization (>= 4.3) - restriction: || (&& (== net461) (< net46)) (== netstandard2.0)
      System.Runtime (>= 4.3) - restriction: || (&& (== net461) (< net46)) (== netstandard2.0)
    System.Globalization.Extensions (4.3) - restriction: || (&& (== net461) (< net40) (>= netstandard2.0)) (&& (== net461) (>= netstandard1.6) (>= uap10.0)) (== netstandard2.0)
      Microsoft.NETCore.Platforms (>= 1.1) - restriction: || (&& (== net461) (< net46)) (== netstandard2.0)
      System.Globalization (>= 4.3) - restriction: || (&& (== net461) (< net46)) (== netstandard2.0)
      System.Resources.ResourceManager (>= 4.3) - restriction: || (&& (== net461) (< net46)) (== netstandard2.0)
      System.Runtime (>= 4.3) - restriction: || (&& (== net461) (< net46)) (== netstandard2.0)
      System.Runtime.Extensions (>= 4.3) - restriction: || (&& (== net461) (< net46)) (== netstandard2.0)
      System.Runtime.InteropServices (>= 4.3) - restriction: || (&& (== net461) (< net46)) (== netstandard2.0)
    System.IO (4.3) - restriction: || (&& (== net461) (>= dnxcore50)) (&& (== net461) (< net45)) (== netstandard2.0)
      Microsoft.NETCore.Platforms (>= 1.1) - restriction: || (&& (== net461) (>= dnxcore50)) (&& (== net461) (< net45)) (== netstandard2.0)
      Microsoft.NETCore.Targets (>= 1.1) - restriction: || (&& (== net461) (>= dnxcore50)) (&& (== net461) (< net45)) (== netstandard2.0)
      System.Runtime (>= 4.3) - restriction: || (&& (== net461) (>= dnxcore50)) (&& (== net461) (< net45)) (== netstandard2.0)
      System.Text.Encoding (>= 4.3) - restriction: || (&& (== net461) (>= dnxcore50)) (&& (== net461) (< net45)) (== netstandard2.0)
      System.Threading.Tasks (>= 4.3) - restriction: || (&& (== net461) (>= dnxcore50)) (&& (== net461) (< net45)) (== netstandard2.0)
    System.IO.Compression (4.3)
      Microsoft.NETCore.Platforms (>= 1.1) - restriction: || (&& (== net461) (< net45)) (== netstandard2.0)
      runtime.native.System (>= 4.3) - restriction: || (&& (== net461) (< net45)) (== netstandard2.0)
      runtime.native.System.IO.Compression (>= 4.3) - restriction: || (&& (== net461) (>= dnxcore50)) (&& (== net461) (< net45)) (== netstandard2.0)
      System.Buffers (>= 4.3) - restriction: || (&& (== net461) (>= dnxcore50)) (&& (== net461) (< net45)) (== netstandard2.0)
      System.Collections (>= 4.3) - restriction: || (&& (== net461) (>= dnxcore50)) (&& (== net461) (< net45)) (== netstandard2.0)
      System.Diagnostics.Debug (>= 4.3) - restriction: || (&& (== net461) (>= dnxcore50)) (&& (== net461) (< net45)) (== netstandard2.0)
      System.IO (>= 4.3) - restriction: || (&& (== net461) (>= dnxcore50)) (&& (== net461) (< net45)) (== netstandard2.0)
      System.Resources.ResourceManager (>= 4.3) - restriction: || (&& (== net461) (>= dnxcore50)) (&& (== net461) (< net45)) (== netstandard2.0)
      System.Runtime (>= 4.3) - restriction: || (&& (== net461) (>= dnxcore50)) (&& (== net461) (< net45)) (== netstandard2.0)
      System.Runtime.Extensions (>= 4.3) - restriction: || (&& (== net461) (>= dnxcore50)) (&& (== net461) (< net45)) (== netstandard2.0)
      System.Runtime.Handles (>= 4.3) - restriction: || (&& (== net461) (>= dnxcore50)) (&& (== net461) (< net45)) (== netstandard2.0)
      System.Runtime.InteropServices (>= 4.3) - restriction: || (&& (== net461) (>= dnxcore50)) (&& (== net461) (< net45)) (== netstandard2.0)
      System.Text.Encoding (>= 4.3) - restriction: || (&& (== net461) (>= dnxcore50)) (&& (== net461) (< net45)) (== netstandard2.0)
      System.Threading (>= 4.3) - restriction: || (&& (== net461) (>= dnxcore50)) (&& (== net461) (< net45)) (== netstandard2.0)
      System.Threading.Tasks (>= 4.3) - restriction: || (&& (== net461) (>= dnxcore50)) (&& (== net461) (< net45)) (== netstandard2.0)
    System.IO.FileSystem (4.3)
      Microsoft.NETCore.Platforms (>= 1.1) - restriction: || (&& (== net461) (< net46)) (== netstandard2.0)
      Microsoft.NETCore.Targets (>= 1.1) - restriction: || (&& (== net461) (< net46)) (== netstandard2.0)
      System.IO (>= 4.3) - restriction: || (&& (== net461) (< net46)) (== netstandard2.0)
      System.IO.FileSystem.Primitives (>= 4.3)
      System.Runtime (>= 4.3) - restriction: || (&& (== net461) (< net46)) (== netstandard2.0)
      System.Runtime.Handles (>= 4.3) - restriction: || (&& (== net461) (< net46)) (== netstandard2.0)
      System.Text.Encoding (>= 4.3) - restriction: || (&& (== net461) (< net46)) (== netstandard2.0)
      System.Threading.Tasks (>= 4.3) - restriction: || (&& (== net461) (< net46)) (== netstandard2.0)
    System.IO.FileSystem.Primitives (4.3)
      System.Runtime (>= 4.3) - restriction: || (&& (== net461) (< net46)) (== netstandard2.0)
    System.Linq (4.3) - restriction: || (&& (== net461) (< net45) (>= netstandard1.6)) (== netstandard2.0)
      System.Collections (>= 4.3) - restriction: || (&& (== net461) (>= dnxcore50)) (&& (== net461) (< net45)) (== netstandard2.0)
      System.Diagnostics.Debug (>= 4.3) - restriction: || (&& (== net461) (>= dnxcore50)) (&& (== net461) (< net45) (>= netstandard1.6)) (== netstandard2.0)
      System.Resources.ResourceManager (>= 4.3) - restriction: || (&& (== net461) (>= dnxcore50)) (&& (== net461) (< net45) (>= netstandard1.6)) (== netstandard2.0)
      System.Runtime (>= 4.3) - restriction: || (&& (== net461) (>= dnxcore50)) (&& (== net461) (< net45)) (== netstandard2.0)
      System.Runtime.Extensions (>= 4.3) - restriction: || (&& (== net461) (>= dnxcore50)) (&& (== net461) (< net45) (>= netstandard1.6)) (== netstandard2.0)
    System.Linq.Expressions (4.3) - restriction: || (&& (== net461) (< net45) (>= netstandard1.6)) (== netstandard2.0)
      System.Collections (>= 4.3) - restriction: || (&& (== net461) (>= dnxcore50)) (&& (== net461) (< net45) (>= netstandard1.6)) (== netstandard2.0)
      System.Diagnostics.Debug (>= 4.3) - restriction: || (&& (== net461) (>= dnxcore50)) (&& (== net461) (< net45) (>= netstandard1.6)) (== netstandard2.0)
      System.Globalization (>= 4.3) - restriction: || (&& (== net461) (>= dnxcore50)) (&& (== net461) (< net45) (>= netstandard1.6)) (== netstandard2.0)
      System.IO (>= 4.3) - restriction: || (&& (== net461) (>= dnxcore50)) (&& (== net461) (< net45) (>= netstandard1.6)) (== netstandard2.0)
      System.Linq (>= 4.3) - restriction: || (&& (== net461) (>= dnxcore50)) (&& (== net461) (< net45) (>= netstandard1.6)) (== netstandard2.0)
      System.ObjectModel (>= 4.3) - restriction: || (&& (== net461) (< net45) (>= netstandard1.6)) (== netstandard2.0)
      System.Reflection (>= 4.3) - restriction: || (&& (== net461) (>= dnxcore50)) (&& (== net461) (< net45)) (== netstandard2.0)
      System.Reflection.Emit (>= 4.3) - restriction: || (&& (== net461) (< net45) (>= netstandard1.6)) (== netstandard2.0)
      System.Reflection.Emit.ILGeneration (>= 4.3) - restriction: || (&& (== net461) (>= dnxcore50)) (&& (== net461) (< net45) (>= netstandard1.6)) (== netstandard2.0)
      System.Reflection.Emit.Lightweight (>= 4.3) - restriction: || (&& (== net461) (>= dnxcore50)) (&& (== net461) (< net45) (>= netstandard1.6)) (== netstandard2.0)
      System.Reflection.Extensions (>= 4.3) - restriction: || (&& (== net461) (>= dnxcore50)) (&& (== net461) (< net45) (>= netstandard1.6)) (== netstandard2.0)
      System.Reflection.Primitives (>= 4.3) - restriction: || (&& (== net461) (>= dnxcore50)) (&& (== net461) (< net45) (>= netstandard1.6)) (== netstandard2.0)
      System.Reflection.TypeExtensions (>= 4.3) - restriction: || (&& (== net461) (>= dnxcore50)) (&& (== net461) (< net45) (>= netstandard1.6)) (== netstandard2.0)
      System.Resources.ResourceManager (>= 4.3) - restriction: || (&& (== net461) (>= dnxcore50)) (&& (== net461) (< net45) (>= netstandard1.6)) (== netstandard2.0)
      System.Runtime (>= 4.3) - restriction: || (&& (== net461) (>= dnxcore50)) (&& (== net461) (< net45)) (== netstandard2.0)
      System.Runtime.Extensions (>= 4.3) - restriction: || (&& (== net461) (>= dnxcore50)) (&& (== net461) (< net45) (>= netstandard1.6)) (== netstandard2.0)
      System.Threading (>= 4.3) - restriction: || (&& (== net461) (>= dnxcore50)) (&& (== net461) (< net45) (>= netstandard1.6)) (== netstandard2.0)
    System.Linq.Queryable (4.0.1) - restriction: || (&& (== net461) (< net45) (>= netstandard1.6)) (== netstandard2.0)
      System.Collections (>= 4.0.11) - restriction: || (&& (== net461) (>= dnxcore50)) (&& (== net461) (< net45)) (== netstandard2.0)
      System.Diagnostics.Debug (>= 4.0.11) - restriction: || (&& (== net461) (>= dnxcore50)) (&& (== net461) (< net45)) (== netstandard2.0)
      System.Linq (>= 4.1) - restriction: || (&& (== net461) (>= dnxcore50)) (&& (== net461) (< net45)) (== netstandard2.0)
      System.Linq.Expressions (>= 4.1) - restriction: || (&& (== net461) (>= dnxcore50)) (&& (== net461) (< net45)) (== netstandard2.0)
      System.Reflection (>= 4.1) - restriction: || (&& (== net461) (>= dnxcore50)) (&& (== net461) (< net45)) (== netstandard2.0)
      System.Reflection.Extensions (>= 4.0.1) - restriction: || (&& (== net461) (>= dnxcore50)) (&& (== net461) (< net45)) (== netstandard2.0)
      System.Resources.ResourceManager (>= 4.0.1) - restriction: || (&& (== net461) (>= dnxcore50)) (&& (== net461) (< net45)) (== netstandard2.0)
      System.Runtime (>= 4.1) - restriction: || (&& (== net461) (>= dnxcore50)) (&& (== net461) (< net45)) (== netstandard2.0)
    System.Net.Http (4.3.2) - restriction: || (&& (== net461) (< net40) (>= netstandard2.0)) (&& (== net461) (>= uap10.0)) (== netstandard2.0)
      Microsoft.NETCore.Platforms (>= 1.1) - restriction: || (&& (== net461) (>= dnxcore50)) (&& (== net461) (< net45)) (== netstandard2.0)
      runtime.native.System (>= 4.3) - restriction: || (&& (== net461) (< net45) (>= netstandard1.6)) (== netstandard2.0)
      runtime.native.System.Net.Http (>= 4.3) - restriction: || (&& (== net461) (< net45) (>= netstandard1.6)) (== netstandard2.0)
      runtime.native.System.Security.Cryptography.OpenSsl (>= 4.3) - restriction: || (&& (== net461) (< net45) (>= netstandard1.6)) (== netstandard2.0)
      System.Collections (>= 4.3) - restriction: || (&& (== net461) (>= dnxcore50)) (&& (== net461) (< net45)) (== netstandard2.0)
      System.Diagnostics.Debug (>= 4.3) - restriction: || (&& (== net461) (>= dnxcore50)) (&& (== net461) (< net45)) (== netstandard2.0)
      System.Diagnostics.DiagnosticSource (>= 4.3) - restriction: || (&& (== net461) (>= dnxcore50)) (&& (== net461) (< net45)) (== netstandard2.0)
      System.Diagnostics.Tracing (>= 4.3) - restriction: || (&& (== net461) (>= dnxcore50)) (&& (== net461) (< net45)) (== netstandard2.0)
      System.Globalization (>= 4.3) - restriction: || (&& (== net461) (>= dnxcore50)) (&& (== net461) (< net45)) (== netstandard2.0)
      System.Globalization.Extensions (>= 4.3) - restriction: || (&& (== net461) (< net45) (>= netstandard1.6)) (== netstandard2.0)
      System.IO (>= 4.3) - restriction: || (&& (== net461) (>= dnxcore50)) (&& (== net461) (< net45)) (== netstandard2.0)
      System.IO.FileSystem (>= 4.3) - restriction: || (&& (== net461) (< net45) (>= netstandard1.6)) (== netstandard2.0)
      System.Net.Primitives (>= 4.3) - restriction: || (&& (== net461) (>= dnxcore50)) (&& (== net461) (< net45)) (== netstandard2.0)
      System.Resources.ResourceManager (>= 4.3) - restriction: || (&& (== net461) (>= dnxcore50)) (&& (== net461) (< net45)) (== netstandard2.0)
      System.Runtime (>= 4.3) - restriction: || (&& (== net461) (>= dnxcore50)) (&& (== net461) (< net45)) (== netstandard2.0)
      System.Runtime.Extensions (>= 4.3) - restriction: || (&& (== net461) (>= dnxcore50)) (&& (== net461) (< net45)) (== netstandard2.0)
      System.Runtime.Handles (>= 4.3) - restriction: || (&& (== net461) (< net45)) (== netstandard2.0)
      System.Runtime.InteropServices (>= 4.3) - restriction: || (&& (== net461) (>= dnxcore50)) (&& (== net461) (< net45)) (== netstandard2.0)
      System.Security.Cryptography.Algorithms (>= 4.3) - restriction: || (&& (== net461) (< net45) (>= netstandard1.6)) (== netstandard2.0)
      System.Security.Cryptography.Encoding (>= 4.3) - restriction: || (&& (== net461) (< net45)) (== netstandard2.0)
      System.Security.Cryptography.OpenSsl (>= 4.3) - restriction: || (&& (== net461) (< net45) (>= netstandard1.6)) (== netstandard2.0)
      System.Security.Cryptography.Primitives (>= 4.3) - restriction: || (&& (== net461) (< net45) (>= netstandard1.6)) (== netstandard2.0)
      System.Security.Cryptography.X509Certificates (>= 4.3)
      System.Text.Encoding (>= 4.3) - restriction: || (&& (== net461) (>= dnxcore50)) (&& (== net461) (< net45)) (== netstandard2.0)
      System.Threading (>= 4.3) - restriction: || (&& (== net461) (>= dnxcore50)) (&& (== net461) (< net45)) (== netstandard2.0)
      System.Threading.Tasks (>= 4.3) - restriction: || (&& (== net461) (>= dnxcore50)) (&& (== net461) (< net45)) (== netstandard2.0)
    System.Net.Primitives (4.3) - restriction: || (&& (== net461) (>= dnxcore50) (>= netstandard2.0)) (&& (== net461) (< net40) (>= netstandard2.0)) (&& (== net461) (>= uap10.0)) (== netstandard2.0)
      Microsoft.NETCore.Platforms (>= 1.1) - restriction: || (&& (== net461) (>= dnxcore50)) (&& (== net461) (< net45)) (&& (== net461) (< netstandard1.1)) (== netstandard2.0)
      Microsoft.NETCore.Targets (>= 1.1) - restriction: || (&& (== net461) (>= dnxcore50)) (&& (== net461) (< net45)) (&& (== net461) (< netstandard1.1)) (== netstandard2.0)
      System.Runtime (>= 4.3) - restriction: || (&& (== net461) (>= dnxcore50)) (&& (== net461) (< net45)) (&& (== net461) (< netstandard1.1)) (== netstandard2.0)
      System.Runtime.Handles (>= 4.3) - restriction: || (&& (== net461) (>= dnxcore50)) (&& (== net461) (< net45)) (== netstandard2.0)
    System.Net.Requests (4.0.11) - restriction: || (&& (== net461) (< net45) (>= netstandard1.6)) (== netstandard2.0)
      Microsoft.NETCore.Platforms (>= 1.0.1) - restriction: || (&& (== net461) (< net45)) (== netstandard2.0)
      System.Collections (>= 4.0.11) - restriction: || (&& (== net461) (< net45)) (== netstandard2.0)
      System.Diagnostics.Debug (>= 4.0.11) - restriction: || (&& (== net461) (< net45)) (== netstandard2.0)
      System.Diagnostics.Tracing (>= 4.1) - restriction: || (&& (== net461) (< net45)) (== netstandard2.0)
      System.Globalization (>= 4.0.11) - restriction: || (&& (== net461) (< net45)) (== netstandard2.0)
      System.IO (>= 4.1) - restriction: || (&& (== net461) (>= dnxcore50)) (&& (== net461) (< net45)) (&& (== net461) (< netstandard1.1)) (== netstandard2.0)
      System.Net.Http (>= 4.1) - restriction: || (&& (== net461) (< net45)) (== netstandard2.0)
      System.Net.Primitives (>= 4.0.11) - restriction: || (&& (== net461) (>= dnxcore50)) (&& (== net461) (< net45)) (&& (== net461) (< netstandard1.1)) (== netstandard2.0)
      System.Net.WebHeaderCollection (>= 4.0.1) - restriction: || (&& (== net461) (>= dnxcore50)) (&& (== net461) (< net45)) (== netstandard2.0)
      System.Resources.ResourceManager (>= 4.0.1) - restriction: || (&& (== net461) (< net45)) (== netstandard2.0)
      System.Runtime (>= 4.1) - restriction: || (&& (== net461) (>= dnxcore50)) (&& (== net461) (< net45)) (&& (== net461) (< netstandard1.1)) (== netstandard2.0)
      System.Threading (>= 4.0.11) - restriction: || (&& (== net461) (< net45)) (== netstandard2.0)
      System.Threading.Tasks (>= 4.0.11) - restriction: || (&& (== net461) (>= dnxcore50)) (&& (== net461) (< net45)) (== netstandard2.0)
    System.Net.WebHeaderCollection (4.0.1) - restriction: || (&& (== net461) (>= dnxcore50) (>= netstandard1.6)) (&& (== net461) (< net45) (>= netstandard1.6)) (== netstandard2.0)
      System.Collections (>= 4.0.11) - restriction: || (&& (== net461) (< net46)) (== netstandard2.0)
      System.Resources.ResourceManager (>= 4.0.1) - restriction: || (&& (== net461) (< net46)) (== netstandard2.0)
      System.Runtime (>= 4.1) - restriction: || (&& (== net461) (< net46)) (== netstandard2.0)
      System.Runtime.Extensions (>= 4.1) - restriction: || (&& (== net461) (< net46)) (== netstandard2.0)
    System.ObjectModel (4.3) - restriction: || (&& (== net461) (< net45) (>= netstandard1.6)) (== netstandard2.0)
      System.Collections (>= 4.3) - restriction: || (&& (== net461) (>= dnxcore50)) (&& (== net461) (< net45)) (== netstandard2.0)
      System.Diagnostics.Debug (>= 4.3) - restriction: || (&& (== net461) (>= dnxcore50)) (&& (== net461) (< net45)) (== netstandard2.0)
      System.Resources.ResourceManager (>= 4.3) - restriction: || (&& (== net461) (>= dnxcore50)) (&& (== net461) (< net45)) (== netstandard2.0)
      System.Runtime (>= 4.3) - restriction: || (&& (== net461) (>= dnxcore50)) (&& (== net461) (< net45)) (== netstandard2.0)
      System.Threading (>= 4.3) - restriction: || (&& (== net461) (>= dnxcore50)) (&& (== net461) (< net45)) (== netstandard2.0)
    System.Private.DataContractSerialization (4.1.1) - restriction: || (&& (== net461) (>= dnxcore50)) (&& (== net461) (< net45)) (== netstandard2.0)
      System.Collections (>= 4.0.11) - restriction: || (&& (== net461) (>= dnxcore50)) (&& (== net461) (< net46)) (== netstandard2.0)
      System.Collections.Concurrent (>= 4.0.12) - restriction: || (&& (== net461) (>= dnxcore50)) (&& (== net461) (< net46)) (== netstandard2.0)
      System.Diagnostics.Debug (>= 4.0.11) - restriction: || (&& (== net461) (>= dnxcore50)) (&& (== net461) (< net46)) (== netstandard2.0)
      System.Globalization (>= 4.0.11) - restriction: || (&& (== net461) (>= dnxcore50)) (&& (== net461) (< net46)) (== netstandard2.0)
      System.IO (>= 4.1) - restriction: || (&& (== net461) (>= dnxcore50)) (&& (== net461) (< net46)) (== netstandard2.0)
      System.Linq (>= 4.1) - restriction: || (&& (== net461) (>= dnxcore50)) (&& (== net461) (< net46)) (== netstandard2.0)
      System.Reflection (>= 4.1) - restriction: || (&& (== net461) (>= dnxcore50)) (&& (== net461) (< net46)) (== netstandard2.0)
      System.Reflection.Emit.ILGeneration (>= 4.0.1) - restriction: || (&& (== net461) (>= monoandroid)) (&& (== net461) (>= monotouch)) (&& (== net461) (< net46)) (&& (== net461) (>= xamarinios)) (&& (== net461) (>= xamarinmac)) (&& (== net461) (>= xamarintvos)) (&& (== net461) (>= xamarinwatchos)) (== netstandard2.0)
      System.Reflection.Emit.Lightweight (>= 4.0.1) - restriction: || (&& (== net461) (>= monoandroid)) (&& (== net461) (>= monotouch)) (&& (== net461) (< net46)) (&& (== net461) (>= xamarinios)) (&& (== net461) (>= xamarinmac)) (&& (== net461) (>= xamarintvos)) (&& (== net461) (>= xamarinwatchos)) (== netstandard2.0)
      System.Reflection.Extensions (>= 4.0.1) - restriction: || (&& (== net461) (>= dnxcore50)) (&& (== net461) (< net46)) (== netstandard2.0)
      System.Reflection.Primitives (>= 4.0.1) - restriction: || (&& (== net461) (>= dnxcore50)) (&& (== net461) (< net46)) (== netstandard2.0)
      System.Reflection.TypeExtensions (>= 4.1)
      System.Resources.ResourceManager (>= 4.0.1) - restriction: || (&& (== net461) (>= dnxcore50)) (&& (== net461) (< net46)) (== netstandard2.0)
      System.Runtime (>= 4.1) - restriction: || (&& (== net461) (>= dnxcore50)) (&& (== net461) (< net46)) (== netstandard2.0)
      System.Runtime.Extensions (>= 4.1) - restriction: || (&& (== net461) (>= dnxcore50)) (&& (== net461) (< net46)) (== netstandard2.0)
      System.Runtime.Serialization.Primitives (>= 4.1.1)
      System.Text.Encoding (>= 4.0.11) - restriction: || (&& (== net461) (>= dnxcore50)) (&& (== net461) (< net46)) (== netstandard2.0)
      System.Text.Encoding.Extensions (>= 4.0.11) - restriction: || (&& (== net461) (>= dnxcore50)) (&& (== net461) (< net46)) (== netstandard2.0)
      System.Text.RegularExpressions (>= 4.1) - restriction: || (&& (== net461) (>= dnxcore50)) (&& (== net461) (< net46)) (== netstandard2.0)
      System.Threading (>= 4.0.11) - restriction: || (&& (== net461) (>= dnxcore50)) (&& (== net461) (< net46)) (== netstandard2.0)
      System.Threading.Tasks (>= 4.0.11) - restriction: || (&& (== net461) (>= dnxcore50)) (&& (== net461) (< net46)) (== netstandard2.0)
      System.Xml.ReaderWriter (>= 4.0.11) - restriction: || (&& (== net461) (>= dnxcore50)) (&& (== net461) (< net46)) (== netstandard2.0)
      System.Xml.XmlDocument (>= 4.0.1)
      System.Xml.XmlSerializer (>= 4.0.11) - restriction: || (&& (== net461) (>= dnxcore50)) (&& (== net461) (< net46)) (== netstandard2.0)
    System.Reflection (4.3) - restriction: || (&& (== net461) (>= dnxcore50)) (&& (== net461) (< net45)) (== netstandard2.0)
      Microsoft.NETCore.Platforms (>= 1.1) - restriction: || (&& (== net461) (>= dnxcore50)) (&& (== net461) (< net45)) (== netstandard2.0)
      Microsoft.NETCore.Targets (>= 1.1) - restriction: || (&& (== net461) (>= dnxcore50)) (&& (== net461) (< net45)) (== netstandard2.0)
      System.IO (>= 4.3) - restriction: || (&& (== net461) (>= dnxcore50)) (&& (== net461) (< net45)) (== netstandard2.0)
      System.Reflection.Primitives (>= 4.3) - restriction: || (&& (== net461) (>= dnxcore50)) (&& (== net461) (< net45)) (== netstandard2.0)
      System.Runtime (>= 4.3) - restriction: || (&& (== net461) (>= dnxcore50)) (&& (== net461) (< net45)) (== netstandard2.0)
    System.Reflection.Emit (4.3) - restriction: || (&& (== net461) (< net45) (>= netstandard1.6)) (== netstandard2.0)
      System.IO (>= 4.3) - restriction: || (&& (== net461) (< net45)) (== netstandard2.0)
      System.Reflection (>= 4.3) - restriction: || (&& (== net461) (< net45)) (== netstandard2.0)
      System.Reflection.Emit.ILGeneration (>= 4.3) - restriction: || (&& (== net461) (< net45)) (== netstandard2.0)
      System.Reflection.Primitives (>= 4.3) - restriction: || (&& (== net461) (< net45)) (== netstandard2.0)
      System.Runtime (>= 4.3) - restriction: || (&& (== net461) (< net45)) (== netstandard2.0)
    System.Reflection.Emit.ILGeneration (4.3) - restriction: || (&& (== net461) (>= dnxcore50) (>= netstandard1.6)) (&& (== net461) (< net45) (>= netstandard1.6)) (== netstandard2.0)
      System.Reflection (>= 4.3) - restriction: || (&& (== net461) (< net45)) (== netstandard2.0)
      System.Reflection.Primitives (>= 4.3) - restriction: || (&& (== net461) (< net45)) (== netstandard2.0)
      System.Runtime (>= 4.3) - restriction: || (&& (== net461) (< net45)) (== netstandard2.0)
    System.Reflection.Emit.Lightweight (4.3) - restriction: || (&& (== net461) (>= dnxcore50) (>= netstandard1.6)) (&& (== net461) (< net45) (>= netstandard1.6)) (== netstandard2.0)
      System.Reflection (>= 4.3) - restriction: || (&& (== net461) (< net45)) (== netstandard2.0)
      System.Reflection.Emit.ILGeneration (>= 4.3) - restriction: || (&& (== net461) (< net45)) (== netstandard2.0)
      System.Reflection.Primitives (>= 4.3) - restriction: || (&& (== net461) (< net45)) (== netstandard2.0)
      System.Runtime (>= 4.3) - restriction: || (&& (== net461) (< net45)) (== netstandard2.0)
    System.Reflection.Extensions (4.3) - restriction: || (&& (== net461) (>= dnxcore50)) (&& (== net461) (< net45)) (== netstandard2.0)
      Microsoft.NETCore.Platforms (>= 1.1) - restriction: || (&& (== net461) (>= dnxcore50)) (&& (== net461) (< net45)) (== netstandard2.0)
      Microsoft.NETCore.Targets (>= 1.1) - restriction: || (&& (== net461) (>= dnxcore50)) (&& (== net461) (< net45)) (== netstandard2.0)
      System.Reflection (>= 4.3) - restriction: || (&& (== net461) (>= dnxcore50)) (&& (== net461) (< net45)) (== netstandard2.0)
      System.Runtime (>= 4.3) - restriction: || (&& (== net461) (>= dnxcore50)) (&& (== net461) (< net45)) (== netstandard2.0)
    System.Reflection.Metadata (1.4.2)
      System.Collections (>= 4.3) - restriction: || (&& (== net461) (< net45)) (== netstandard2.0)
      System.Collections.Immutable (>= 1.3.1)
      System.Diagnostics.Debug (>= 4.3) - restriction: || (&& (== net461) (< net45)) (== netstandard2.0)
      System.IO (>= 4.3) - restriction: || (&& (== net461) (< net45)) (== netstandard2.0)
      System.IO.Compression (>= 4.3) - restriction: || (&& (== net461) (< net45)) (== netstandard2.0)
      System.Linq (>= 4.3) - restriction: || (&& (== net461) (< net45)) (== netstandard2.0)
      System.Reflection (>= 4.3) - restriction: || (&& (== net461) (< net45)) (== netstandard2.0)
      System.Reflection.Extensions (>= 4.3) - restriction: || (&& (== net461) (< net45)) (== netstandard2.0)
      System.Reflection.Primitives (>= 4.3) - restriction: || (&& (== net461) (< net45)) (== netstandard2.0)
      System.Resources.ResourceManager (>= 4.3) - restriction: || (&& (== net461) (< net45)) (== netstandard2.0)
      System.Runtime (>= 4.3) - restriction: || (&& (== net461) (< net45)) (== netstandard2.0)
      System.Runtime.Extensions (>= 4.3) - restriction: || (&& (== net461) (< net45)) (== netstandard2.0)
      System.Runtime.InteropServices (>= 4.3) - restriction: || (&& (== net461) (< net45)) (== netstandard2.0)
      System.Text.Encoding (>= 4.3) - restriction: || (&& (== net461) (< net45)) (== netstandard2.0)
      System.Text.Encoding.Extensions (>= 4.3) - restriction: || (&& (== net461) (< net45)) (== netstandard2.0)
      System.Threading (>= 4.3) - restriction: || (&& (== net461) (< net45)) (== netstandard2.0)
    System.Reflection.Primitives (4.3) - restriction: || (&& (== net461) (>= dnxcore50)) (&& (== net461) (< net45)) (== netstandard2.0)
      Microsoft.NETCore.Platforms (>= 1.1) - restriction: || (&& (== net461) (>= dnxcore50)) (&& (== net461) (< net45)) (== netstandard2.0)
      Microsoft.NETCore.Targets (>= 1.1) - restriction: || (&& (== net461) (>= dnxcore50)) (&& (== net461) (< net45)) (== netstandard2.0)
      System.Runtime (>= 4.3) - restriction: || (&& (== net461) (>= dnxcore50)) (&& (== net461) (< net45)) (== netstandard2.0)
    System.Reflection.TypeExtensions (4.3) - restriction: || (&& (== net461) (>= dnxcore50) (>= netstandard1.6)) (&& (== net461) (< net45) (>= netstandard1.6)) (== netstandard2.0)
      System.Reflection (>= 4.3) - restriction: || (&& (== net461) (>= dnxcore50)) (&& (== net461) (< net46)) (&& (== net461) (>= net462)) (== netstandard2.0)
      System.Runtime (>= 4.3) - restriction: || (&& (== net461) (>= dnxcore50)) (&& (== net461) (< net46)) (== netstandard2.0)
    System.Resources.Reader (4.0) - restriction: || (&& (== net461) (< net46)) (== netstandard2.0)
      System.IO (>= 4.1) - restriction: || (&& (== net461) (< net45)) (== netstandard2.0)
      System.Resources.ResourceManager (>= 4.0.1) - restriction: || (&& (== net461) (< net45)) (== netstandard2.0)
      System.Runtime (>= 4.1) - restriction: || (&& (== net461) (< net45)) (== netstandard2.0)
      System.Text.Encoding (>= 4.0.11) - restriction: || (&& (== net461) (< net45)) (== netstandard2.0)
      System.Threading (>= 4.0.11) - restriction: || (&& (== net461) (< net45)) (== netstandard2.0)
    System.Resources.ResourceManager (4.3) - restriction: || (&& (== net461) (< net45)) (== netstandard2.0)
      Microsoft.NETCore.Platforms (>= 1.1) - restriction: || (&& (== net461) (>= dnxcore50)) (&& (== net461) (< net45)) (== netstandard2.0)
      Microsoft.NETCore.Targets (>= 1.1) - restriction: || (&& (== net461) (>= dnxcore50)) (&& (== net461) (< net45)) (== netstandard2.0)
      System.Globalization (>= 4.3) - restriction: || (&& (== net461) (>= dnxcore50)) (&& (== net461) (< net45)) (== netstandard2.0)
      System.Reflection (>= 4.3) - restriction: || (&& (== net461) (>= dnxcore50)) (&& (== net461) (< net45)) (== netstandard2.0)
      System.Runtime (>= 4.3) - restriction: || (&& (== net461) (>= dnxcore50)) (&& (== net461) (< net45)) (== netstandard2.0)
    System.Runtime (4.3) - restriction: || (&& (== net461) (< net45)) (== netstandard2.0)
      Microsoft.NETCore.Platforms (>= 1.1) - restriction: || (&& (== net461) (>= dnxcore50)) (&& (== net461) (< net45)) (== netstandard2.0)
      Microsoft.NETCore.Targets (>= 1.1) - restriction: || (&& (== net461) (>= dnxcore50)) (&& (== net461) (< net45)) (== netstandard2.0)
    System.Runtime.Extensions (4.3) - restriction: || (&& (== net461) (>= dnxcore50)) (&& (== net461) (< net45)) (== netstandard2.0)
      Microsoft.NETCore.Platforms (>= 1.1) - restriction: || (&& (== net461) (>= dnxcore50)) (&& (== net461) (< net45)) (== netstandard2.0)
      Microsoft.NETCore.Targets (>= 1.1) - restriction: || (&& (== net461) (>= dnxcore50)) (&& (== net461) (< net45)) (== netstandard2.0)
      System.Runtime (>= 4.3) - restriction: || (&& (== net461) (>= dnxcore50)) (&& (== net461) (< net45)) (== netstandard2.0)
    System.Runtime.Handles (4.3) - restriction: || (&& (== net461) (< net40) (>= netstandard2.0)) (&& (== net461) (>= uap10.0)) (== netstandard2.0)
      Microsoft.NETCore.Platforms (>= 1.1) - restriction: || (&& (== net461) (< net46)) (== netstandard2.0)
      Microsoft.NETCore.Targets (>= 1.1) - restriction: || (&& (== net461) (< net46)) (== netstandard2.0)
      System.Runtime (>= 4.3) - restriction: || (&& (== net461) (< net46)) (== netstandard2.0)
    System.Runtime.InteropServices (4.3)
      Microsoft.NETCore.Platforms (>= 1.1) - restriction: || (&& (== net461) (>= dnxcore50)) (&& (== net461) (< net45)) (&& (== net461) (>= netcoreapp1.1)) (== netstandard2.0)
      Microsoft.NETCore.Targets (>= 1.1) - restriction: || (&& (== net461) (>= dnxcore50)) (&& (== net461) (< net45)) (&& (== net461) (>= netcoreapp1.1)) (== netstandard2.0)
      System.Reflection (>= 4.3) - restriction: || (&& (== net461) (>= dnxcore50)) (&& (== net461) (< net45)) (&& (== net461) (>= netcoreapp1.1)) (== netstandard2.0)
      System.Reflection.Primitives (>= 4.3) - restriction: || (&& (== net461) (>= dnxcore50)) (&& (== net461) (< net45)) (&& (== net461) (>= netcoreapp1.1)) (== netstandard2.0)
      System.Runtime (>= 4.3) - restriction: || (&& (== net461) (>= dnxcore50)) (&& (== net461) (< net45)) (&& (== net461) (>= net462)) (&& (== net461) (>= netcoreapp1.1)) (== netstandard2.0)
      System.Runtime.Handles (>= 4.3) - restriction: || (&& (== net461) (>= dnxcore50)) (&& (== net461) (< net45)) (&& (== net461) (>= netcoreapp1.1)) (== netstandard2.0)
    System.Runtime.InteropServices.RuntimeInformation (4.3)
      runtime.native.System (>= 4.3) - restriction: || (&& (== net461) (< net45)) (== netstandard2.0)
      System.Reflection (>= 4.3) - restriction: || (&& (== net461) (>= dnxcore50)) (&& (== net461) (< net45)) (== netstandard2.0)
      System.Reflection.Extensions (>= 4.3) - restriction: || (&& (== net461) (>= dnxcore50)) (&& (== net461) (< net45)) (== netstandard2.0)
      System.Resources.ResourceManager (>= 4.3) - restriction: || (&& (== net461) (>= dnxcore50)) (&& (== net461) (< net45)) (== netstandard2.0)
      System.Runtime (>= 4.3) - restriction: || (&& (== net461) (>= dnxcore50)) (&& (== net461) (< net45)) (== netstandard2.0)
      System.Runtime.InteropServices (>= 4.3) - restriction: || (&& (== net461) (< net45)) (== netstandard2.0)
      System.Threading (>= 4.3) - restriction: || (&& (== net461) (>= dnxcore50)) (&& (== net461) (< net45)) (== netstandard2.0)
    System.Runtime.Numerics (4.3) - restriction: || (&& (== net461) (< net45) (>= netstandard1.6)) (== netstandard2.0)
      System.Globalization (>= 4.3) - restriction: || (&& (== net461) (>= dnxcore50)) (&& (== net461) (< net45)) (== netstandard2.0)
      System.Resources.ResourceManager (>= 4.3) - restriction: || (&& (== net461) (>= dnxcore50)) (&& (== net461) (< net45)) (== netstandard2.0)
      System.Runtime (>= 4.3) - restriction: || (&& (== net461) (>= dnxcore50)) (&& (== net461) (< net45)) (== netstandard2.0)
      System.Runtime.Extensions (>= 4.3) - restriction: || (&& (== net461) (>= dnxcore50)) (&& (== net461) (< net45)) (== netstandard2.0)
    System.Runtime.Serialization.Primitives (4.1.1) - restriction: || (&& (== net461) (< net46)) (== netstandard2.0)
      System.Resources.ResourceManager (>= 4.0.1) - restriction: || (&& (== net461) (>= dnxcore50)) (&& (== net461) (< net45)) (== netstandard2.0)
      System.Runtime (>= 4.1) - restriction: || (&& (== net461) (>= dnxcore50)) (&& (== net461) (< net45)) (== netstandard2.0)
    System.Runtime.Serialization.Xml (4.1.1) - restriction: || (&& (== net461) (< net46)) (== netstandard2.0)
      System.IO (>= 4.1) - restriction: || (&& (== net461) (>= dnxcore50)) (&& (== net461) (< net45)) (== netstandard2.0)
      System.Private.DataContractSerialization (>= 4.1.1) - restriction: || (&& (== net461) (>= dnxcore50)) (&& (== net461) (< net45)) (== netstandard2.0)
      System.Runtime (>= 4.1) - restriction: || (&& (== net461) (>= dnxcore50)) (&& (== net461) (< net45)) (== netstandard2.0)
      System.Runtime.Serialization.Primitives (>= 4.1.1)
      System.Text.Encoding (>= 4.0.11) - restriction: || (&& (== net461) (>= dnxcore50)) (&& (== net461) (< net45)) (== netstandard2.0)
      System.Xml.ReaderWriter (>= 4.0.11) - restriction: || (&& (== net461) (>= dnxcore50)) (&& (== net461) (< net45)) (== netstandard2.0)
    System.Security.Cryptography.Algorithms (4.3)
      Microsoft.NETCore.Platforms (>= 1.1) - restriction: || (&& (== net461) (>= dnxcore50)) (&& (== net461) (< net46) (>= netstandard1.6)) (== netstandard2.0)
      runtime.native.System.Security.Cryptography.Apple (>= 4.3) - restriction: || (&& (== net461) (< net46) (>= netstandard1.6)) (== netstandard2.0)
      runtime.native.System.Security.Cryptography.OpenSsl (>= 4.3) - restriction: || (&& (== net461) (< net46) (>= netstandard1.6)) (== netstandard2.0)
      System.Collections (>= 4.3) - restriction: || (&& (== net461) (< net46) (>= netstandard1.6)) (== netstandard2.0)
      System.IO (>= 4.3) - restriction: || (&& (== net461) (>= dnxcore50)) (&& (== net461) (< net46)) (&& (== net461) (>= net463)) (== netstandard2.0)
      System.Resources.ResourceManager (>= 4.3) - restriction: || (&& (== net461) (>= dnxcore50)) (&& (== net461) (< net46) (>= netstandard1.6)) (== netstandard2.0)
      System.Runtime (>= 4.3) - restriction: || (&& (== net461) (>= dnxcore50)) (&& (== net461) (< net46)) (&& (== net461) (>= net463)) (== netstandard2.0)
      System.Runtime.Extensions (>= 4.3) - restriction: || (&& (== net461) (>= dnxcore50)) (&& (== net461) (< net46) (>= netstandard1.6)) (== netstandard2.0)
      System.Runtime.Handles (>= 4.3) - restriction: || (&& (== net461) (>= dnxcore50)) (&& (== net461) (< net46) (>= netstandard1.6)) (== netstandard2.0)
      System.Runtime.InteropServices (>= 4.3) - restriction: || (&& (== net461) (>= dnxcore50)) (&& (== net461) (< net46) (>= netstandard1.6)) (== netstandard2.0)
      System.Runtime.Numerics (>= 4.3) - restriction: || (&& (== net461) (< net46) (>= netstandard1.6)) (== netstandard2.0)
      System.Security.Cryptography.Encoding (>= 4.3) - restriction: || (&& (== net461) (>= dnxcore50)) (&& (== net461) (< net46) (>= netstandard1.6)) (&& (== net461) (>= net463)) (== netstandard2.0)
      System.Security.Cryptography.Primitives (>= 4.3)
      System.Text.Encoding (>= 4.3) - restriction: || (&& (== net461) (>= dnxcore50)) (&& (== net461) (< net46) (>= netstandard1.6)) (== netstandard2.0)
    System.Security.Cryptography.Cng (4.3) - restriction: || (&& (== net461) (>= dnxcore50)) (&& (== net461) (< net46) (>= netstandard1.6)) (== netstandard2.0)
      Microsoft.NETCore.Platforms (>= 1.1) - restriction: || (&& (== net461) (< net46)) (== netstandard2.0)
      System.IO (>= 4.3) - restriction: || (&& (== net461) (< net46)) (== netstandard2.0)
      System.Resources.ResourceManager (>= 4.3) - restriction: || (&& (== net461) (< net46)) (== netstandard2.0)
      System.Runtime (>= 4.3) - restriction: || (&& (== net461) (< net46)) (== netstandard2.0)
      System.Runtime.Extensions (>= 4.3) - restriction: || (&& (== net461) (< net46)) (== netstandard2.0)
      System.Runtime.Handles (>= 4.3) - restriction: || (&& (== net461) (< net46)) (== netstandard2.0)
      System.Runtime.InteropServices (>= 4.3) - restriction: || (&& (== net461) (< net46)) (== netstandard2.0)
      System.Security.Cryptography.Algorithms (>= 4.3)
      System.Security.Cryptography.Encoding (>= 4.3) - restriction: || (&& (== net461) (< net46)) (== netstandard2.0)
      System.Security.Cryptography.Primitives (>= 4.3)
      System.Text.Encoding (>= 4.3) - restriction: || (&& (== net461) (< net46)) (== netstandard2.0)
    System.Security.Cryptography.Csp (4.3) - restriction: || (&& (== net461) (< net46) (>= netstandard1.6)) (== netstandard2.0)
      Microsoft.NETCore.Platforms (>= 1.1) - restriction: || (&& (== net461) (< net46)) (== netstandard2.0)
      System.IO (>= 4.3) - restriction: || (&& (== net461) (< net46)) (== netstandard2.0)
      System.Reflection (>= 4.3) - restriction: || (&& (== net461) (< net46)) (== netstandard2.0)
      System.Resources.ResourceManager (>= 4.3) - restriction: || (&& (== net461) (< net46)) (== netstandard2.0)
      System.Runtime (>= 4.3) - restriction: || (&& (== net461) (< net46)) (== netstandard2.0)
      System.Runtime.Extensions (>= 4.3) - restriction: || (&& (== net461) (< net46)) (== netstandard2.0)
      System.Runtime.Handles (>= 4.3) - restriction: || (&& (== net461) (< net46)) (== netstandard2.0)
      System.Runtime.InteropServices (>= 4.3) - restriction: || (&& (== net461) (< net46)) (== netstandard2.0)
      System.Security.Cryptography.Algorithms (>= 4.3)
      System.Security.Cryptography.Encoding (>= 4.3) - restriction: || (&& (== net461) (< net46)) (== netstandard2.0)
      System.Security.Cryptography.Primitives (>= 4.3)
      System.Text.Encoding (>= 4.3) - restriction: || (&& (== net461) (< net46)) (== netstandard2.0)
      System.Threading (>= 4.3) - restriction: || (&& (== net461) (< net46)) (== netstandard2.0)
    System.Security.Cryptography.Encoding (4.3)
      Microsoft.NETCore.Platforms (>= 1.1) - restriction: || (&& (== net461) (< net46)) (== netstandard2.0)
      runtime.native.System.Security.Cryptography.OpenSsl (>= 4.3) - restriction: || (&& (== net461) (< net46)) (== netstandard2.0)
      System.Collections (>= 4.3) - restriction: || (&& (== net461) (< net46)) (== netstandard2.0)
      System.Collections.Concurrent (>= 4.3) - restriction: || (&& (== net461) (< net46)) (== netstandard2.0)
      System.Linq (>= 4.3) - restriction: || (&& (== net461) (< net46)) (== netstandard2.0)
      System.Resources.ResourceManager (>= 4.3) - restriction: || (&& (== net461) (< net46)) (== netstandard2.0)
      System.Runtime (>= 4.3) - restriction: || (&& (== net461) (< net46)) (== netstandard2.0)
      System.Runtime.Extensions (>= 4.3) - restriction: || (&& (== net461) (< net46)) (== netstandard2.0)
      System.Runtime.Handles (>= 4.3) - restriction: || (&& (== net461) (< net46)) (== netstandard2.0)
      System.Runtime.InteropServices (>= 4.3) - restriction: || (&& (== net461) (< net46)) (== netstandard2.0)
      System.Security.Cryptography.Primitives (>= 4.3) - restriction: || (&& (== net461) (< net46)) (== netstandard2.0)
      System.Text.Encoding (>= 4.3) - restriction: || (&& (== net461) (< net46)) (== netstandard2.0)
    System.Security.Cryptography.OpenSsl (4.3) - restriction: || (&& (== net461) (< net40) (>= netstandard2.0)) (&& (== net461) (>= netstandard1.6) (>= uap10.0)) (== netstandard2.0)
      runtime.native.System.Security.Cryptography.OpenSsl (>= 4.3) - restriction: || (&& (== net461) (>= monoandroid)) (&& (== net461) (>= net463)) (&& (== net461) (>= netstandard1.6)) (== netstandard2.0)
      System.Collections (>= 4.3) - restriction: || (&& (== net461) (>= netstandard1.6)) (== netstandard2.0)
      System.IO (>= 4.3) - restriction: || (&& (== net461) (>= net463)) (&& (== net461) (>= netstandard1.6)) (== netstandard2.0)
      System.Resources.ResourceManager (>= 4.3) - restriction: || (&& (== net461) (>= netstandard1.6)) (== netstandard2.0)
      System.Runtime (>= 4.3) - restriction: || (&& (== net461) (>= net463)) (&& (== net461) (>= netstandard1.6)) (== netstandard2.0)
      System.Runtime.Extensions (>= 4.3) - restriction: || (&& (== net461) (>= net463)) (&& (== net461) (>= netstandard1.6)) (== netstandard2.0)
      System.Runtime.Handles (>= 4.3) - restriction: || (&& (== net461) (>= netstandard1.6)) (== netstandard2.0)
      System.Runtime.InteropServices (>= 4.3) - restriction: || (&& (== net461) (>= netstandard1.6)) (== netstandard2.0)
      System.Runtime.Numerics (>= 4.3) - restriction: || (&& (== net461) (>= netstandard1.6)) (== netstandard2.0)
      System.Security.Cryptography.Algorithms (>= 4.3) - restriction: || (&& (== net461) (>= net463)) (&& (== net461) (>= netstandard1.6)) (== netstandard2.0)
      System.Security.Cryptography.Encoding (>= 4.3) - restriction: || (&& (== net461) (>= net463)) (&& (== net461) (>= netstandard1.6)) (== netstandard2.0)
      System.Security.Cryptography.Primitives (>= 4.3) - restriction: || (&& (== net461) (>= net463)) (&& (== net461) (>= netstandard1.6)) (== netstandard2.0)
      System.Text.Encoding (>= 4.3) - restriction: || (&& (== net461) (>= netstandard1.6)) (== netstandard2.0)
    System.Security.Cryptography.Primitives (4.3) - restriction: || (&& (== net461) (< net40) (>= netstandard2.0)) (&& (== net461) (>= netstandard1.6) (>= uap10.0)) (== netstandard2.0)
      System.Diagnostics.Debug (>= 4.3) - restriction: || (&& (== net461) (< net46)) (== netstandard2.0)
      System.Globalization (>= 4.3) - restriction: || (&& (== net461) (< net46)) (== netstandard2.0)
      System.IO (>= 4.3) - restriction: || (&& (== net461) (< net46)) (== netstandard2.0)
      System.Resources.ResourceManager (>= 4.3) - restriction: || (&& (== net461) (< net46)) (== netstandard2.0)
      System.Runtime (>= 4.3) - restriction: || (&& (== net461) (< net46)) (== netstandard2.0)
      System.Threading (>= 4.3) - restriction: || (&& (== net461) (< net46)) (== netstandard2.0)
      System.Threading.Tasks (>= 4.3) - restriction: || (&& (== net461) (< net46)) (== netstandard2.0)
    System.Security.Cryptography.X509Certificates (4.3)
      Microsoft.NETCore.Platforms (>= 1.1) - restriction: || (&& (== net461) (>= dnxcore50)) (&& (== net461) (< net46) (>= netstandard1.6)) (== netstandard2.0)
      runtime.native.System (>= 4.3) - restriction: || (&& (== net461) (< net46) (>= netstandard1.6)) (== netstandard2.0)
      runtime.native.System.Net.Http (>= 4.3) - restriction: || (&& (== net461) (< net46) (>= netstandard1.6)) (== netstandard2.0)
      runtime.native.System.Security.Cryptography.OpenSsl (>= 4.3) - restriction: || (&& (== net461) (< net46) (>= netstandard1.6)) (== netstandard2.0)
      System.Collections (>= 4.3) - restriction: || (&& (== net461) (>= dnxcore50)) (&& (== net461) (< net46) (>= netstandard1.6)) (== netstandard2.0)
      System.Diagnostics.Debug (>= 4.3) - restriction: || (&& (== net461) (< net46) (>= netstandard1.6)) (== netstandard2.0)
      System.Globalization (>= 4.3) - restriction: || (&& (== net461) (>= dnxcore50)) (&& (== net461) (< net46) (>= netstandard1.6)) (== netstandard2.0)
      System.Globalization.Calendars (>= 4.3) - restriction: || (&& (== net461) (>= dnxcore50)) (&& (== net461) (< net46) (>= netstandard1.6)) (== netstandard2.0)
      System.IO (>= 4.3) - restriction: || (&& (== net461) (>= dnxcore50)) (&& (== net461) (< net46) (>= netstandard1.6)) (== netstandard2.0)
      System.IO.FileSystem (>= 4.3) - restriction: || (&& (== net461) (>= dnxcore50)) (&& (== net461) (< net46) (>= netstandard1.6)) (== netstandard2.0)
      System.IO.FileSystem.Primitives (>= 4.3) - restriction: || (&& (== net461) (< net46) (>= netstandard1.6)) (== netstandard2.0)
      System.Resources.ResourceManager (>= 4.3) - restriction: || (&& (== net461) (>= dnxcore50)) (&& (== net461) (< net46) (>= netstandard1.6)) (== netstandard2.0)
      System.Runtime (>= 4.3) - restriction: || (&& (== net461) (>= dnxcore50)) (&& (== net461) (< net46)) (== netstandard2.0)
      System.Runtime.Extensions (>= 4.3) - restriction: || (&& (== net461) (>= dnxcore50)) (&& (== net461) (< net46) (>= netstandard1.6)) (== netstandard2.0)
      System.Runtime.Handles (>= 4.3) - restriction: || (&& (== net461) (>= dnxcore50)) (&& (== net461) (< net46)) (== netstandard2.0)
      System.Runtime.InteropServices (>= 4.3) - restriction: || (&& (== net461) (>= dnxcore50)) (&& (== net461) (< net46) (>= netstandard1.6)) (== netstandard2.0)
      System.Runtime.Numerics (>= 4.3) - restriction: || (&& (== net461) (>= dnxcore50)) (&& (== net461) (< net46) (>= netstandard1.6)) (== netstandard2.0)
      System.Security.Cryptography.Algorithms (>= 4.3)
      System.Security.Cryptography.Cng (>= 4.3) - restriction: || (&& (== net461) (>= dnxcore50)) (&& (== net461) (< net46) (>= netstandard1.6)) (== netstandard2.0)
      System.Security.Cryptography.Csp (>= 4.3) - restriction: || (&& (== net461) (< net46) (>= netstandard1.6)) (== netstandard2.0)
      System.Security.Cryptography.Encoding (>= 4.3)
      System.Security.Cryptography.OpenSsl (>= 4.3) - restriction: || (&& (== net461) (< net46) (>= netstandard1.6)) (== netstandard2.0)
      System.Security.Cryptography.Primitives (>= 4.3) - restriction: || (&& (== net461) (>= dnxcore50)) (&& (== net461) (< net46) (>= netstandard1.6)) (== netstandard2.0)
      System.Text.Encoding (>= 4.3) - restriction: || (&& (== net461) (>= dnxcore50)) (&& (== net461) (< net46) (>= netstandard1.6)) (== netstandard2.0)
      System.Threading (>= 4.3) - restriction: || (&& (== net461) (>= dnxcore50)) (&& (== net461) (< net46) (>= netstandard1.6)) (== netstandard2.0)
    System.Text.Encoding (4.3) - restriction: || (&& (== net461) (>= dnxcore50)) (&& (== net461) (< net45)) (== netstandard2.0)
      Microsoft.NETCore.Platforms (>= 1.1) - restriction: || (&& (== net461) (>= dnxcore50)) (&& (== net461) (< net45)) (== netstandard2.0)
      Microsoft.NETCore.Targets (>= 1.1) - restriction: || (&& (== net461) (>= dnxcore50)) (&& (== net461) (< net45)) (== netstandard2.0)
      System.Runtime (>= 4.3) - restriction: || (&& (== net461) (>= dnxcore50)) (&& (== net461) (< net45)) (== netstandard2.0)
    System.Text.Encoding.CodePages (4.3) - restriction: || (&& (== net461) (< net46)) (== netstandard2.0)
      Microsoft.NETCore.Platforms (>= 1.1) - restriction: || (&& (== net461) (< net46)) (== netstandard2.0)
      System.Collections (>= 4.3) - restriction: || (&& (== net461) (< net46)) (== netstandard2.0)
      System.Globalization (>= 4.3) - restriction: || (&& (== net461) (< net46)) (== netstandard2.0)
      System.IO (>= 4.3) - restriction: || (&& (== net461) (< net46)) (== netstandard2.0)
      System.Reflection (>= 4.3) - restriction: || (&& (== net461) (< net46)) (== netstandard2.0)
      System.Resources.ResourceManager (>= 4.3) - restriction: || (&& (== net461) (< net46)) (== netstandard2.0)
      System.Runtime (>= 4.3) - restriction: || (&& (== net461) (< net46)) (== netstandard2.0)
      System.Runtime.Extensions (>= 4.3) - restriction: || (&& (== net461) (< net46)) (== netstandard2.0)
      System.Runtime.Handles (>= 4.3) - restriction: || (&& (== net461) (< net46)) (== netstandard2.0)
      System.Runtime.InteropServices (>= 4.3) - restriction: || (&& (== net461) (< net46)) (== netstandard2.0)
      System.Text.Encoding (>= 4.3) - restriction: || (&& (== net461) (< net46)) (== netstandard2.0)
      System.Threading (>= 4.3) - restriction: || (&& (== net461) (< net46)) (== netstandard2.0)
    System.Text.Encoding.Extensions (4.3)
      Microsoft.NETCore.Platforms (>= 1.1) - restriction: || (&& (== net461) (>= dnxcore50)) (&& (== net461) (< net45)) (== netstandard2.0)
      Microsoft.NETCore.Targets (>= 1.1) - restriction: || (&& (== net461) (>= dnxcore50)) (&& (== net461) (< net45)) (== netstandard2.0)
      System.Runtime (>= 4.3) - restriction: || (&& (== net461) (>= dnxcore50)) (&& (== net461) (< net45)) (== netstandard2.0)
      System.Text.Encoding (>= 4.3) - restriction: || (&& (== net461) (>= dnxcore50)) (&& (== net461) (< net45)) (== netstandard2.0)
    System.Text.RegularExpressions (4.3) - restriction: || (&& (== net461) (>= dnxcore50)) (&& (== net461) (< net45)) (== netstandard2.0)
      System.Collections (>= 4.3) - restriction: || (&& (== net461) (>= dnxcore50)) (&& (== net461) (< net45) (>= netstandard1.6)) (== netstandard2.0)
      System.Globalization (>= 4.3) - restriction: || (&& (== net461) (>= dnxcore50)) (&& (== net461) (< net45) (>= netstandard1.6)) (== netstandard2.0)
      System.Resources.ResourceManager (>= 4.3) - restriction: || (&& (== net461) (>= dnxcore50)) (&& (== net461) (< net45) (>= netstandard1.6)) (== netstandard2.0)
      System.Runtime (>= 4.3) - restriction: || (&& (== net461) (>= dnxcore50)) (&& (== net461) (< net45)) (&& (== net461) (>= netcoreapp1.1)) (== netstandard2.0)
      System.Runtime.Extensions (>= 4.3) - restriction: || (&& (== net461) (>= dnxcore50)) (&& (== net461) (< net45) (>= netstandard1.6)) (== netstandard2.0)
      System.Threading (>= 4.3) - restriction: || (&& (== net461) (>= dnxcore50)) (&& (== net461) (< net45) (>= netstandard1.6)) (== netstandard2.0)
    System.Threading (4.3) - restriction: || (&& (== net461) (>= dnxcore50)) (&& (== net461) (< net45)) (== netstandard2.0)
      System.Runtime (>= 4.3) - restriction: || (&& (== net461) (>= dnxcore50)) (&& (== net461) (< net45)) (== netstandard2.0)
      System.Threading.Tasks (>= 4.3) - restriction: || (&& (== net461) (>= dnxcore50)) (&& (== net461) (< net45)) (== netstandard2.0)
    System.Threading.Tasks (4.3)
      Microsoft.NETCore.Platforms (>= 1.1) - restriction: || (&& (== net461) (>= dnxcore50)) (&& (== net461) (< net45)) (== netstandard2.0)
      Microsoft.NETCore.Targets (>= 1.1) - restriction: || (&& (== net461) (>= dnxcore50)) (&& (== net461) (< net45)) (== netstandard2.0)
      System.Runtime (>= 4.3) - restriction: || (&& (== net461) (>= dnxcore50)) (&& (== net461) (< net45)) (== netstandard2.0)
    System.Threading.Tasks.Extensions (4.3) - restriction: || (&& (== net461) (>= dnxcore50)) (&& (== net461) (< net45)) (== netstandard2.0)
      System.Collections (>= 4.3) - restriction: || (&& (== net461) (< net45)) (== netstandard2.0)
      System.Runtime (>= 4.3) - restriction: || (&& (== net461) (< net45)) (== netstandard2.0)
      System.Threading.Tasks (>= 4.3) - restriction: || (&& (== net461) (< net45)) (== netstandard2.0)
    System.Threading.Tasks.Parallel (4.3) - restriction: || (&& (== net461) (< net45) (>= netstandard1.6)) (== netstandard2.0)
      System.Collections.Concurrent (>= 4.3) - restriction: || (&& (== net461) (>= dnxcore50)) (&& (== net461) (< net45)) (== netstandard2.0)
      System.Diagnostics.Debug (>= 4.3) - restriction: || (&& (== net461) (>= dnxcore50)) (&& (== net461) (< net45)) (== netstandard2.0)
      System.Diagnostics.Tracing (>= 4.3) - restriction: || (&& (== net461) (>= dnxcore50)) (&& (== net461) (< net45)) (== netstandard2.0)
      System.Resources.ResourceManager (>= 4.3) - restriction: || (&& (== net461) (>= dnxcore50)) (&& (== net461) (< net45)) (== netstandard2.0)
      System.Runtime (>= 4.3) - restriction: || (&& (== net461) (>= dnxcore50)) (&& (== net461) (< net45)) (== netstandard2.0)
      System.Runtime.Extensions (>= 4.3) - restriction: || (&& (== net461) (>= dnxcore50)) (&& (== net461) (< net45)) (== netstandard2.0)
      System.Threading (>= 4.3) - restriction: || (&& (== net461) (>= dnxcore50)) (&& (== net461) (< net45)) (== netstandard2.0)
      System.Threading.Tasks (>= 4.3) - restriction: || (&& (== net461) (>= dnxcore50)) (&& (== net461) (< net45)) (== netstandard2.0)
    System.Threading.Thread (4.3) - restriction: || (&& (== net461) (< net45) (>= netstandard1.6)) (== netstandard2.0)
      System.Runtime (>= 4.3) - restriction: || (&& (== net461) (< net46)) (== netstandard2.0)
    System.Threading.ThreadPool (4.0.10) - restriction: || (&& (== net461) (< net45) (>= netstandard1.6)) (== netstandard2.0)
      System.Runtime (>= 4.1) - restriction: || (&& (== net461) (< net46)) (== netstandard2.0)
      System.Runtime.Handles (>= 4.0.1) - restriction: || (&& (== net461) (< net46)) (== netstandard2.0)
    System.Threading.Timer (4.0.1) - restriction: || (&& (== net461) (< net45) (>= netstandard1.6)) (== netstandard2.0)
      Microsoft.NETCore.Platforms (>= 1.0.1) - restriction: || (&& (== net461) (>= dnxcore50)) (&& (== net461) (< net451)) (== netstandard2.0)
      Microsoft.NETCore.Targets (>= 1.0.1) - restriction: || (&& (== net461) (>= dnxcore50)) (&& (== net461) (< net451)) (== netstandard2.0)
      System.Runtime (>= 4.1) - restriction: || (&& (== net461) (>= dnxcore50)) (&& (== net461) (< net451)) (== netstandard2.0)
    System.ValueTuple (4.3)
      System.Collections (>= 4.3) - restriction: || (&& (== net461) (< net45)) (== netstandard2.0)
      System.Resources.ResourceManager (>= 4.3) - restriction: || (&& (== net461) (< net45)) (== netstandard2.0)
      System.Runtime (>= 4.3) - restriction: || (&& (== net461) (< net45)) (== netstandard2.0)
    System.Xml.ReaderWriter (4.3) - restriction: || (&& (== net461) (>= dnxcore50)) (&& (== net461) (< net45)) (== netstandard2.0)
      System.Collections (>= 4.3) - restriction: || (&& (== net461) (>= dnxcore50)) (&& (== net461) (< net45)) (== netstandard2.0)
      System.Diagnostics.Debug (>= 4.3) - restriction: || (&& (== net461) (>= dnxcore50)) (&& (== net461) (< net45)) (== netstandard2.0)
      System.Globalization (>= 4.3) - restriction: || (&& (== net461) (>= dnxcore50)) (&& (== net461) (< net45)) (== netstandard2.0)
      System.IO (>= 4.3) - restriction: || (&& (== net461) (>= dnxcore50)) (&& (== net461) (< net45)) (== netstandard2.0)
      System.IO.FileSystem (>= 4.3) - restriction: || (&& (== net461) (>= dnxcore50)) (&& (== net461) (< net45)) (== netstandard2.0)
      System.IO.FileSystem.Primitives (>= 4.3) - restriction: || (&& (== net461) (>= dnxcore50)) (&& (== net461) (< net45)) (== netstandard2.0)
      System.Resources.ResourceManager (>= 4.3) - restriction: || (&& (== net461) (>= dnxcore50)) (&& (== net461) (< net45)) (== netstandard2.0)
      System.Runtime (>= 4.3) - restriction: || (&& (== net461) (>= dnxcore50)) (&& (== net461) (< net45)) (== netstandard2.0)
      System.Runtime.Extensions (>= 4.3) - restriction: || (&& (== net461) (>= dnxcore50)) (&& (== net461) (< net45)) (== netstandard2.0)
      System.Runtime.InteropServices (>= 4.3) - restriction: || (&& (== net461) (>= dnxcore50)) (&& (== net461) (< net45)) (== netstandard2.0)
      System.Text.Encoding (>= 4.3) - restriction: || (&& (== net461) (>= dnxcore50)) (&& (== net461) (< net45)) (== netstandard2.0)
      System.Text.Encoding.Extensions (>= 4.3) - restriction: || (&& (== net461) (>= dnxcore50)) (&& (== net461) (< net45)) (== netstandard2.0)
      System.Text.RegularExpressions (>= 4.3) - restriction: || (&& (== net461) (>= dnxcore50)) (&& (== net461) (< net45)) (== netstandard2.0)
      System.Threading.Tasks (>= 4.3) - restriction: || (&& (== net461) (>= dnxcore50)) (&& (== net461) (< net45)) (== netstandard2.0)
      System.Threading.Tasks.Extensions (>= 4.3) - restriction: || (&& (== net461) (>= dnxcore50)) (&& (== net461) (< net45)) (== netstandard2.0)
    System.Xml.XDocument (4.3)
      System.Collections (>= 4.3) - restriction: || (&& (== net461) (>= dnxcore50)) (&& (== net461) (< net45)) (== netstandard2.0)
      System.Diagnostics.Debug (>= 4.3) - restriction: || (&& (== net461) (>= dnxcore50)) (&& (== net461) (< net45)) (== netstandard2.0)
      System.Diagnostics.Tools (>= 4.3) - restriction: || (&& (== net461) (>= dnxcore50)) (&& (== net461) (< net45)) (== netstandard2.0)
      System.Globalization (>= 4.3) - restriction: || (&& (== net461) (>= dnxcore50)) (&& (== net461) (< net45)) (== netstandard2.0)
      System.IO (>= 4.3) - restriction: || (&& (== net461) (>= dnxcore50)) (&& (== net461) (< net45)) (== netstandard2.0)
      System.Reflection (>= 4.3) - restriction: || (&& (== net461) (>= dnxcore50)) (&& (== net461) (< net45)) (== netstandard2.0)
      System.Resources.ResourceManager (>= 4.3) - restriction: || (&& (== net461) (>= dnxcore50)) (&& (== net461) (< net45)) (== netstandard2.0)
      System.Runtime (>= 4.3) - restriction: || (&& (== net461) (>= dnxcore50)) (&& (== net461) (< net45)) (== netstandard2.0)
      System.Runtime.Extensions (>= 4.3) - restriction: || (&& (== net461) (>= dnxcore50)) (&& (== net461) (< net45)) (== netstandard2.0)
      System.Text.Encoding (>= 4.3) - restriction: || (&& (== net461) (>= dnxcore50)) (&& (== net461) (< net45)) (== netstandard2.0)
      System.Threading (>= 4.3) - restriction: || (&& (== net461) (>= dnxcore50)) (&& (== net461) (< net45)) (== netstandard2.0)
      System.Xml.ReaderWriter (>= 4.3) - restriction: || (&& (== net461) (>= dnxcore50)) (&& (== net461) (< net45)) (== netstandard2.0)
    System.Xml.XmlDocument (4.3) - restriction: || (&& (== net461) (< net40)) (== netstandard2.0)
      System.Collections (>= 4.3) - restriction: || (&& (== net461) (< net46)) (== netstandard2.0)
      System.Diagnostics.Debug (>= 4.3) - restriction: || (&& (== net461) (< net46)) (== netstandard2.0)
      System.Globalization (>= 4.3) - restriction: || (&& (== net461) (< net46)) (== netstandard2.0)
      System.IO (>= 4.3) - restriction: || (&& (== net461) (< net46)) (== netstandard2.0)
      System.Resources.ResourceManager (>= 4.3) - restriction: || (&& (== net461) (< net46)) (== netstandard2.0)
      System.Runtime (>= 4.3) - restriction: || (&& (== net461) (< net46)) (== netstandard2.0)
      System.Runtime.Extensions (>= 4.3) - restriction: || (&& (== net461) (< net46)) (== netstandard2.0)
      System.Text.Encoding (>= 4.3) - restriction: || (&& (== net461) (< net46)) (== netstandard2.0)
      System.Threading (>= 4.3) - restriction: || (&& (== net461) (< net46)) (== netstandard2.0)
      System.Xml.ReaderWriter (>= 4.3) - restriction: || (&& (== net461) (< net46)) (== netstandard2.0)
    System.Xml.XmlSerializer (4.0.11) - restriction: || (&& (== net461) (>= dnxcore50)) (&& (== net461) (< net45)) (== netstandard2.0)
      System.Collections (>= 4.0.11) - restriction: || (&& (== net461) (>= dnxcore50)) (&& (== net461) (< net45)) (== netstandard2.0)
      System.Globalization (>= 4.0.11) - restriction: || (&& (== net461) (>= dnxcore50)) (&& (== net461) (< net45)) (== netstandard2.0)
      System.IO (>= 4.1) - restriction: || (&& (== net461) (>= dnxcore50)) (&& (== net461) (< net45)) (== netstandard2.0)
      System.Linq (>= 4.1) - restriction: || (&& (== net461) (>= dnxcore50)) (&& (== net461) (< net45)) (== netstandard2.0)
      System.Reflection (>= 4.1) - restriction: || (&& (== net461) (>= dnxcore50)) (&& (== net461) (< net45)) (== netstandard2.0)
      System.Reflection.Emit (>= 4.0.1) - restriction: || (&& (== net461) (>= dnxcore50)) (&& (== net461) (< net45)) (== netstandard2.0)
      System.Reflection.Emit.ILGeneration (>= 4.0.1) - restriction: || (&& (== net461) (>= dnxcore50)) (&& (== net461) (< net45)) (== netstandard2.0)
      System.Reflection.Extensions (>= 4.0.1) - restriction: || (&& (== net461) (>= dnxcore50)) (&& (== net461) (< net45)) (== netstandard2.0)
      System.Reflection.Primitives (>= 4.0.1) - restriction: || (&& (== net461) (>= dnxcore50)) (&& (== net461) (< net45)) (== netstandard2.0)
      System.Reflection.TypeExtensions (>= 4.1) - restriction: || (&& (== net461) (>= dnxcore50)) (&& (== net461) (< net45)) (== netstandard2.0)
      System.Resources.ResourceManager (>= 4.0.1) - restriction: || (&& (== net461) (>= dnxcore50)) (&& (== net461) (< net45)) (== netstandard2.0)
      System.Runtime (>= 4.1) - restriction: || (&& (== net461) (>= dnxcore50)) (&& (== net461) (< net45)) (== netstandard2.0)
      System.Runtime.Extensions (>= 4.1) - restriction: || (&& (== net461) (>= dnxcore50)) (&& (== net461) (< net45)) (== netstandard2.0)
      System.Text.RegularExpressions (>= 4.1) - restriction: || (&& (== net461) (>= dnxcore50)) (&& (== net461) (< net45)) (== netstandard2.0)
      System.Threading (>= 4.0.11) - restriction: || (&& (== net461) (>= dnxcore50)) (&& (== net461) (< net45)) (== netstandard2.0)
      System.Xml.ReaderWriter (>= 4.0.11) - restriction: || (&& (== net461) (>= dnxcore50)) (&& (== net461) (< net45)) (== netstandard2.0)
      System.Xml.XmlDocument (>= 4.0.1) - restriction: || (&& (== net461) (>= dnxcore50)) (&& (== net461) (< net45)) (== netstandard2.0)
    System.Xml.XPath (4.3) - restriction: || (&& (== net461) (< net40)) (&& (== net461) (>= uap10.0)) (== netstandard2.0)
      System.Collections (>= 4.3) - restriction: || (&& (== net461) (< net46)) (== netstandard2.0)
      System.Diagnostics.Debug (>= 4.3) - restriction: || (&& (== net461) (< net46)) (== netstandard2.0)
      System.Globalization (>= 4.3) - restriction: || (&& (== net461) (< net46)) (== netstandard2.0)
      System.IO (>= 4.3) - restriction: || (&& (== net461) (< net46)) (== netstandard2.0)
      System.Resources.ResourceManager (>= 4.3) - restriction: || (&& (== net461) (< net46)) (== netstandard2.0)
      System.Runtime (>= 4.3) - restriction: || (&& (== net461) (< net46)) (== netstandard2.0)
      System.Runtime.Extensions (>= 4.3) - restriction: || (&& (== net461) (< net46)) (== netstandard2.0)
      System.Threading (>= 4.3) - restriction: || (&& (== net461) (< net46)) (== netstandard2.0)
      System.Xml.ReaderWriter (>= 4.3) - restriction: || (&& (== net461) (< net46)) (== netstandard2.0)
    System.Xml.XPath.XDocument (4.3)
      System.Diagnostics.Debug (>= 4.3) - restriction: || (&& (== net461) (< net46)) (== netstandard2.0)
      System.Linq (>= 4.3) - restriction: || (&& (== net461) (< net46)) (== netstandard2.0)
      System.Resources.ResourceManager (>= 4.3) - restriction: || (&& (== net461) (< net46)) (== netstandard2.0)
      System.Runtime (>= 4.3) - restriction: || (&& (== net461) (< net46)) (== netstandard2.0)
      System.Runtime.Extensions (>= 4.3) - restriction: || (&& (== net461) (< net46)) (== netstandard2.0)
      System.Threading (>= 4.3) - restriction: || (&& (== net461) (< net46)) (== netstandard2.0)
      System.Xml.ReaderWriter (>= 4.3) - restriction: || (&& (== net461) (< net46)) (== netstandard2.0)
      System.Xml.XDocument (>= 4.3) - restriction: || (&& (== net461) (< net46)) (== netstandard2.0)
      System.Xml.XPath (>= 4.3)
    System.Xml.XPath.XmlDocument (4.3) - restriction: || (&& (== net461) (< net40)) (&& (== net461) (>= uap10.0)) (== netstandard2.0)
      System.Collections (>= 4.3) - restriction: || (&& (== net461) (< net46)) (== netstandard2.0)
      System.Globalization (>= 4.3) - restriction: || (&& (== net461) (< net46)) (== netstandard2.0)
      System.IO (>= 4.3) - restriction: || (&& (== net461) (< net46)) (== netstandard2.0)
      System.Resources.ResourceManager (>= 4.3) - restriction: || (&& (== net461) (< net46)) (== netstandard2.0)
      System.Runtime (>= 4.3) - restriction: || (&& (== net461) (< net46)) (== netstandard2.0)
      System.Runtime.Extensions (>= 4.3) - restriction: || (&& (== net461) (< net46)) (== netstandard2.0)
      System.Threading (>= 4.3) - restriction: || (&& (== net461) (< net46)) (== netstandard2.0)
      System.Xml.ReaderWriter (>= 4.3) - restriction: || (&& (== net461) (< net46)) (== netstandard2.0)
      System.Xml.XmlDocument (>= 4.3)
      System.Xml.XPath (>= 4.3)
    WebSharper (4.2.5.249)
    WebSharper.CSharp (4.2.5.249)
      WebSharper (4.2.5.249)
    WebSharper.FSharp (4.2.5.249)
      WebSharper (4.2.5.249)
    WebSharper.Testing (4.2.5.249)
      WebSharper (4.2.5.249)
GITHUB
  remote: fsprojects/FSharp.TypeProviders.SDK
    src/ProvidedTypes.fs (b6d5c949e46c34f051e2adf88170e1a2d20cbfd9)
    src/ProvidedTypes.fsi (b6d5c949e46c34f051e2adf88170e1a2d20cbfd9)
GROUP build
RESTRICTION: == net45
NUGET
  remote: https://api.nuget.org/v3/index.json
    Chessie (0.6)
      FSharp.Core
    FAKE (4.64.11)
    FSharp.Compiler.Tools (10.0.1)
    FSharp.Core (4.3.4)
    Mono.Cecil (0.10.0-beta7)
    Newtonsoft.Json (11.0.1)
    Paket.Core (5.151.1)
      Chessie (>= 0.6)
      FSharp.Compiler.Tools
      FSharp.Core
      Mono.Cecil (>= 0.10.0-beta6)
      Newtonsoft.Json

GROUP includes
REFERENCES: STRICT
NUGET
  remote: https://api.nuget.org/v3/index.json
    Microsoft.NETCore.Platforms (2.0.1) - restriction: == netstandard2.0
    NETStandard.Library (2.0.1) - restriction: == netstandard2.0
      Microsoft.NETCore.Platforms (>= 1.1) - restriction: || (>= monoandroid) (>= monotouch) (&& (>= net45) (< portable-net451+win81+wpa81)) (&& (< net45) (>= netstandard1.1) (< portable-net451+win81+wpa81)) (&& (< net45) (>= netstandard1.2) (< netstandard1.3) (< wpa81)) (&& (< net45) (>= netstandard1.3) (< netstandard1.4) (< wpa81)) (&& (< net45) (>= netstandard1.4) (< netstandard1.5) (< wpa81)) (&& (< net45) (>= netstandard1.5) (< netstandard1.6) (< wpa81)) (&& (< net45) (>= netstandard1.6) (< netstandard2.0) (< wpa81)) (&& (< net45) (>= netstandard2.0)) (&& (>= net451) (< netstandard1.3)) (&& (>= net46) (< netstandard1.4)) (>= net461) (>= netcoreapp2.0) (&& (>= netstandard1.0) (< portable-net45+win8+wpa81)) (&& (< netstandard1.0) (>= portable-net45+win8+wp8+wpa81) (< portable-net45+win8+wpa81)) (&& (< netstandard1.0) (>= portable-net45+win8+wpa81) (< portable-net451+win81+wpa81)) (&& (< netstandard1.0) (>= portable-net451+win81+wpa81)) (&& (< netstandard1.3) (>= wpa81)) (&& (< netstandard1.5) (>= uap10.0)) (>= uap10.1) (>= xamarinios) (>= xamarinmac) (>= xamarintvos) (>= xamarinwatchos)
GITHUB
  remote: dotnet-websharper/websharper
    src/htmllib/tags.csv (22aba13e70069ffcd5a7a1886fe6b15e8d66db4d)
GROUP wsbuild

GIT
  remote: https://github.com/dotnet-websharper/build-script
     (1fde3d5c3233c63777f1ec9154ddd2e03b8a5530)